REDIRECTS: FORCE
RESTRICTION: || (== net45) (== net461) (== netcoreapp2.0) (== netstandard2.0)
NUGET
  remote: https://api.nuget.org/v3/index.json
    BenchmarkDotNet (0.11.1)
      CommandLineParser (>= 2.2.1) - restriction: || (&& (== net45) (>= net46)) (&& (== net45) (>= netstandard2.0)) (== net461) (== netcoreapp2.0) (== netstandard2.0)
      Microsoft.CodeAnalysis.CSharp (>= 2.8.2) - restriction: || (&& (== net45) (>= net46)) (&& (== net45) (>= netstandard2.0)) (== net461) (== netcoreapp2.0) (== netstandard2.0)
      Microsoft.DotNet.InternalAbstractions (>= 1.0) - restriction: || (&& (== net45) (>= net46)) (&& (== net45) (>= netstandard2.0)) (== net461) (== netcoreapp2.0) (== netstandard2.0)
      Microsoft.DotNet.PlatformAbstractions (>= 1.1.1) - restriction: || (&& (== net45) (>= net46)) (&& (== net45) (>= netstandard2.0)) (== net461) (== netcoreapp2.0) (== netstandard2.0)
      Microsoft.Win32.Registry (>= 4.5) - restriction: || (&& (== net45) (>= net46)) (&& (== net45) (>= netstandard2.0)) (== net461) (== netcoreapp2.0) (== netstandard2.0)
      System.Collections.Immutable (>= 1.4) - restriction: || (&& (== net45) (>= net46)) (&& (== net45) (>= netstandard2.0)) (== net461) (== netcoreapp2.0) (== netstandard2.0)
      System.Diagnostics.FileVersionInfo (>= 4.3) - restriction: || (&& (== net45) (>= net46)) (&& (== net45) (>= netstandard2.0)) (== net461) (== netcoreapp2.0) (== netstandard2.0)
      System.Management (>= 4.5) - restriction: || (&& (== net45) (>= net46)) (&& (== net45) (>= netstandard2.0)) (== net461) (== netcoreapp2.0) (== netstandard2.0)
      System.Reflection.Emit.Lightweight (>= 4.3) - restriction: || (&& (== net45) (>= net46)) (&& (== net45) (>= netstandard2.0)) (== net461) (== netcoreapp2.0) (== netstandard2.0)
      System.Reflection.Metadata (>= 1.5) - restriction: || (&& (== net45) (>= net46)) (&& (== net45) (>= netstandard2.0)) (== net461) (== netcoreapp2.0) (== netstandard2.0)
      System.Runtime.Serialization.Primitives (>= 4.3) - restriction: || (&& (== net45) (>= net46)) (&& (== net45) (>= netstandard2.0)) (== net461) (== netcoreapp2.0) (== netstandard2.0)
      System.Threading.Tasks.Extensions (>= 4.3) - restriction: || (&& (== net45) (>= net46)) (&& (== net45) (>= netstandard2.0)) (== net461) (== netcoreapp2.0) (== netstandard2.0)
      System.ValueTuple (>= 4.3) - restriction: || (&& (== net45) (>= net46)) (&& (== net45) (>= netstandard2.0)) (== net461) (== netcoreapp2.0) (== netstandard2.0)
      System.Xml.XmlSerializer (>= 4.3) - restriction: || (&& (== net45) (>= net46)) (&& (== net45) (>= netstandard2.0)) (== net461) (== netcoreapp2.0) (== netstandard2.0)
      System.Xml.XPath.XmlDocument (>= 4.3) - restriction: || (&& (== net45) (>= net46)) (&& (== net45) (>= netstandard2.0)) (== net461) (== netcoreapp2.0) (== netstandard2.0)
    CommandLineParser (2.3) - restriction: || (&& (== net45) (>= net46)) (&& (== net45) (>= netstandard2.0)) (== net461) (== netcoreapp2.0) (== netstandard2.0)
      System.Collections (>= 4.0.11-rc2-24027) - restriction: || (&& (== net45) (>= netstandard1.5)) (&& (== net461) (>= netstandard1.5)) (== netcoreapp2.0) (== netstandard2.0)
      System.Console (>= 4.0.0-rc2-24027) - restriction: || (&& (== net45) (>= netstandard1.5)) (&& (== net461) (>= netstandard1.5)) (== netcoreapp2.0) (== netstandard2.0)
      System.Diagnostics.Debug (>= 4.0.11-rc2-24027) - restriction: || (&& (== net45) (>= netstandard1.5)) (&& (== net461) (>= netstandard1.5)) (== netcoreapp2.0) (== netstandard2.0)
      System.Globalization (>= 4.0.11-rc2-24027) - restriction: || (&& (== net45) (>= netstandard1.5)) (&& (== net461) (>= netstandard1.5)) (== netcoreapp2.0) (== netstandard2.0)
      System.IO (>= 4.1.0-rc2-24027) - restriction: || (&& (== net45) (>= netstandard1.5)) (&& (== net461) (>= netstandard1.5)) (== netcoreapp2.0) (== netstandard2.0)
      System.Linq (>= 4.1.0-rc2-24027) - restriction: || (&& (== net45) (>= netstandard1.5)) (&& (== net461) (>= netstandard1.5)) (== netcoreapp2.0) (== netstandard2.0)
      System.Linq.Expressions (>= 4.0.11-rc2-24027) - restriction: || (&& (== net45) (>= netstandard1.5)) (&& (== net461) (>= netstandard1.5)) (== netcoreapp2.0) (== netstandard2.0)
      System.Reflection (>= 4.1.0-rc2-24027) - restriction: || (&& (== net45) (>= netstandard1.5)) (&& (== net461) (>= netstandard1.5)) (== netcoreapp2.0) (== netstandard2.0)
      System.Reflection.Extensions (>= 4.0.1-rc2-24027) - restriction: || (&& (== net45) (>= netstandard1.5)) (&& (== net461) (>= netstandard1.5)) (== netcoreapp2.0) (== netstandard2.0)
      System.Reflection.TypeExtensions (>= 4.1.0-rc2-24027) - restriction: || (&& (== net45) (>= netstandard1.5)) (&& (== net461) (>= netstandard1.5)) (== netcoreapp2.0) (== netstandard2.0)
      System.Resources.ResourceManager (>= 4.0.1-rc2-24027) - restriction: || (&& (== net45) (>= netstandard1.5)) (&& (== net461) (>= netstandard1.5)) (== netcoreapp2.0) (== netstandard2.0)
      System.Runtime (>= 4.1.0-rc2-24027) - restriction: || (&& (== net45) (>= netstandard1.5)) (&& (== net461) (>= netstandard1.5)) (== netcoreapp2.0) (== netstandard2.0)
      System.Runtime.Extensions (>= 4.1.0-rc2-24027) - restriction: || (&& (== net45) (>= netstandard1.5)) (&& (== net461) (>= netstandard1.5)) (== netcoreapp2.0) (== netstandard2.0)
    dotnet-sourcelink (2.8.3) - clitool: true
      Microsoft.Extensions.CommandLineUtils (>= 1.1.1) - restriction: || (&& (== net45) (>= netcoreapp1.0)) (&& (== net461) (>= netcoreapp1.0)) (== netcoreapp2.0) (&& (== netstandard2.0) (>= netcoreapp1.0))
      Microsoft.NETCore.App (>= 2.0) - restriction: || (&& (== net45) (>= netcoreapp2.0)) (&& (== net461) (>= netcoreapp2.0)) (== netcoreapp2.0) (&& (== netstandard2.0) (>= netcoreapp2.0))
      Newtonsoft.Json (>= 10.0.3) - restriction: || (&& (== net45) (>= netcoreapp1.0)) (&& (== net461) (>= netcoreapp1.0)) (== netcoreapp2.0) (&& (== netstandard2.0) (>= netcoreapp1.0))
      NuGet.Packaging (>= 4.4) - restriction: || (&& (== net45) (>= netcoreapp1.0)) (&& (== net461) (>= netcoreapp1.0)) (== netcoreapp2.0) (&& (== netstandard2.0) (>= netcoreapp1.0))
      System.Reflection.Metadata (>= 1.5) - restriction: || (&& (== net45) (>= netcoreapp1.0)) (&& (== net461) (>= netcoreapp1.0)) (== netcoreapp2.0) (&& (== netstandard2.0) (>= netcoreapp1.0))
      System.ValueTuple (>= 4.4) - restriction: || (&& (== net45) (>= netcoreapp1.0)) (&& (== net461) (>= netcoreapp1.0)) (== netcoreapp2.0) (&& (== netstandard2.0) (>= netcoreapp1.0))
    FParsec (1.0.3)
      FSharp.Core (>= 4.0.0.1) - restriction: || (== net45) (== net461) (&& (== netcoreapp2.0) (>= net40)) (&& (== netstandard2.0) (>= net40))
      FSharp.Core (>= 4.2.3) - restriction: || (&& (== net45) (< net40) (>= netstandard1.6)) (&& (== net461) (< net40) (>= netstandard1.6)) (== netcoreapp2.0) (== netstandard2.0)
      NETStandard.Library (>= 1.6.1) - restriction: || (&& (== net45) (< net40) (>= netstandard1.6)) (&& (== net461) (< net40) (>= netstandard1.6)) (== netcoreapp2.0) (== netstandard2.0)
    FsCheck (3.0.0-alpha4)
      FSharp.Core (>= 4.0.0.1) - restriction: || (&& (== net45) (>= net452)) (== net461) (&& (== netcoreapp2.0) (>= net452)) (&& (== netstandard2.0) (>= net452))
      FSharp.Core (>= 4.2.3) - restriction: || (&& (== net45) (>= netstandard1.6)) (&& (== net461) (< net452) (>= netstandard1.6)) (== netcoreapp2.0) (== netstandard2.0)
      NETStandard.Library (>= 1.6.1) - restriction: || (&& (== net45) (>= netstandard1.6)) (&& (== net461) (< net452) (>= netstandard1.6)) (== netcoreapp2.0) (== netstandard2.0)
      System.ValueTuple (>= 4.5) - restriction: || (&& (== net45) (>= netstandard1.6)) (&& (== net461) (< net452) (>= netstandard1.6)) (== netcoreapp2.0) (== netstandard2.0)
    FsCheck.XUnit (3.0.0-alpha4)
      FsCheck (>= 3.0.0-alpha4) - restriction: || (&& (== net45) (>= netstandard1.6)) (&& (== net461) (< net452) (>= netstandard1.6)) (== netcoreapp2.0) (== netstandard2.0)
      FsCheck (3.0.0-alpha4) - restriction: || (&& (== net45) (>= net452)) (== net461) (&& (== netcoreapp2.0) (>= net452)) (&& (== netstandard2.0) (>= net452))
      FSharp.Core (>= 4.2.3) - restriction: || (&& (== net45) (>= netstandard1.6)) (&& (== net461) (< net452) (>= netstandard1.6)) (== netcoreapp2.0) (== netstandard2.0)
      NETStandard.Library (>= 1.6.1) - restriction: || (&& (== net45) (>= netstandard1.6)) (&& (== net461) (< net452) (>= netstandard1.6)) (== netcoreapp2.0) (== netstandard2.0)
      System.ValueTuple (>= 4.5) - restriction: || (&& (== net45) (>= netstandard1.6)) (&& (== net461) (< net452) (>= netstandard1.6)) (== netcoreapp2.0) (== netstandard2.0)
      xunit.abstractions (>= 2.0.1) - restriction: || (&& (== net45) (>= netstandard1.6)) (&& (== net461) (< net452) (>= netstandard1.6)) (== netcoreapp2.0) (== netstandard2.0)
      xunit.core (>= 2.2) - restriction: || (&& (== net45) (>= netstandard1.6)) (&& (== net461) (< net452) (>= netstandard1.6)) (== netcoreapp2.0) (== netstandard2.0)
      xunit.extensibility.execution (>= 2.2 < 3.0) - restriction: || (&& (== net45) (>= net452)) (== net461) (&& (== netcoreapp2.0) (>= net452)) (&& (== netstandard2.0) (>= net452))
    FSharp.Core (4.3.2)
    FSharp.Quotations.Evaluator (1.1.2)
      FSharp.Core (>= 3.0.2) - restriction: || (== net45) (== net461) (&& (== netcoreapp2.0) (>= net45)) (&& (== netstandard2.0) (>= net45))
      FSharp.Core (>= 4.3.1) - restriction: || (&& (== net461) (< net45) (>= netstandard2.0)) (== netcoreapp2.0) (== netstandard2.0)
    Microsoft.CodeAnalysis.Analyzers (2.6.2) - restriction: || (&& (== net45) (>= net46)) (&& (== net45) (>= netstandard2.0)) (== net461) (== netcoreapp2.0) (== netstandard2.0)
    Microsoft.CodeAnalysis.Common (2.9) - restriction: || (&& (== net45) (>= net46)) (&& (== net45) (>= netstandard2.0)) (== net461) (== netcoreapp2.0) (== netstandard2.0)
      Microsoft.CodeAnalysis.Analyzers (>= 2.6.1) - restriction: || (&& (== net45) (>= netstandard1.3)) (== net461) (== netcoreapp2.0) (== netstandard2.0)
      System.AppContext (>= 4.3) - restriction: || (&& (== net45) (>= netstandard1.3)) (== net461) (== netcoreapp2.0) (== netstandard2.0)
      System.Collections (>= 4.3) - restriction: || (&& (== net45) (>= netstandard1.3)) (== net461) (== netcoreapp2.0) (== netstandard2.0)
      System.Collections.Concurrent (>= 4.3) - restriction: || (&& (== net45) (>= netstandard1.3)) (== net461) (== netcoreapp2.0) (== netstandard2.0)
      System.Collections.Immutable (>= 1.5) - restriction: || (&& (== net45) (>= netstandard1.3)) (== net461) (== netcoreapp2.0) (== netstandard2.0)
      System.Console (>= 4.3) - restriction: || (&& (== net45) (>= netstandard1.3)) (== net461) (== netcoreapp2.0) (== netstandard2.0)
      System.Diagnostics.Debug (>= 4.3) - restriction: || (&& (== net45) (>= netstandard1.3)) (== net461) (== netcoreapp2.0) (== netstandard2.0)
      System.Diagnostics.FileVersionInfo (>= 4.3) - restriction: || (&& (== net45) (>= netstandard1.3)) (== net461) (== netcoreapp2.0) (== netstandard2.0)
      System.Diagnostics.StackTrace (>= 4.3) - restriction: || (&& (== net45) (>= netstandard1.3)) (== net461) (== netcoreapp2.0) (== netstandard2.0)
      System.Diagnostics.Tools (>= 4.3) - restriction: || (&& (== net45) (>= netstandard1.3)) (== net461) (== netcoreapp2.0) (== netstandard2.0)
      System.Dynamic.Runtime (>= 4.3) - restriction: || (&& (== net45) (>= netstandard1.3)) (== net461) (== netcoreapp2.0) (== netstandard2.0)
      System.Globalization (>= 4.3) - restriction: || (&& (== net45) (>= netstandard1.3)) (== net461) (== netcoreapp2.0) (== netstandard2.0)
      System.IO.Compression (>= 4.3) - restriction: || (&& (== net45) (>= netstandard1.3)) (== net461) (== netcoreapp2.0) (== netstandard2.0)
      System.IO.FileSystem (>= 4.3) - restriction: || (&& (== net45) (>= netstandard1.3)) (== net461) (== netcoreapp2.0) (== netstandard2.0)
      System.IO.FileSystem.Primitives (>= 4.3) - restriction: || (&& (== net45) (>= netstandard1.3)) (== net461) (== netcoreapp2.0) (== netstandard2.0)
      System.Linq (>= 4.3) - restriction: || (&& (== net45) (>= netstandard1.3)) (== net461) (== netcoreapp2.0) (== netstandard2.0)
      System.Linq.Expressions (>= 4.3) - restriction: || (&& (== net45) (>= netstandard1.3)) (== net461) (== netcoreapp2.0) (== netstandard2.0)
      System.Reflection (>= 4.3) - restriction: || (&& (== net45) (>= netstandard1.3)) (== net461) (== netcoreapp2.0) (== netstandard2.0)
      System.Reflection.Metadata (>= 1.6) - restriction: || (&& (== net45) (>= netstandard1.3)) (== net461) (== netcoreapp2.0) (== netstandard2.0)
      System.Resources.ResourceManager (>= 4.3) - restriction: || (&& (== net45) (>= netstandard1.3)) (== net461) (== netcoreapp2.0) (== netstandard2.0)
      System.Runtime (>= 4.3) - restriction: || (&& (== net45) (>= netstandard1.3)) (== net461) (== netcoreapp2.0) (== netstandard2.0)
      System.Runtime.Extensions (>= 4.3) - restriction: || (&& (== net45) (>= netstandard1.3)) (== net461) (== netcoreapp2.0) (== netstandard2.0)
      System.Runtime.InteropServices (>= 4.3) - restriction: || (&& (== net45) (>= netstandard1.3)) (== net461) (== netcoreapp2.0) (== netstandard2.0)
      System.Runtime.Numerics (>= 4.3) - restriction: || (&& (== net45) (>= netstandard1.3)) (== net461) (== netcoreapp2.0) (== netstandard2.0)
      System.Security.Cryptography.Algorithms (>= 4.3) - restriction: || (&& (== net45) (>= netstandard1.3)) (== net461) (== netcoreapp2.0) (== netstandard2.0)
      System.Security.Cryptography.Encoding (>= 4.3) - restriction: || (&& (== net45) (>= netstandard1.3)) (== net461) (== netcoreapp2.0) (== netstandard2.0)
      System.Security.Cryptography.X509Certificates (>= 4.3) - restriction: || (&& (== net45) (>= netstandard1.3)) (== net461) (== netcoreapp2.0) (== netstandard2.0)
      System.Text.Encoding (>= 4.3) - restriction: || (&& (== net45) (>= netstandard1.3)) (== net461) (== netcoreapp2.0) (== netstandard2.0)
      System.Text.Encoding.CodePages (>= 4.3) - restriction: || (&& (== net45) (>= netstandard1.3)) (== net461) (== netcoreapp2.0) (== netstandard2.0)
      System.Text.Encoding.Extensions (>= 4.3) - restriction: || (&& (== net45) (>= netstandard1.3)) (== net461) (== netcoreapp2.0) (== netstandard2.0)
      System.Threading (>= 4.3) - restriction: || (&& (== net45) (>= netstandard1.3)) (== net461) (== netcoreapp2.0) (== netstandard2.0)
      System.Threading.Tasks (>= 4.3) - restriction: || (&& (== net45) (>= netstandard1.3)) (== net461) (== netcoreapp2.0) (== netstandard2.0)
      System.Threading.Tasks.Extensions (>= 4.3) - restriction: || (&& (== net45) (>= netstandard1.3)) (== net461) (== netcoreapp2.0) (== netstandard2.0)
      System.Threading.Tasks.Parallel (>= 4.3) - restriction: || (&& (== net45) (>= netstandard1.3)) (== net461) (== netcoreapp2.0) (== netstandard2.0)
      System.Threading.Thread (>= 4.3) - restriction: || (&& (== net45) (>= netstandard1.3)) (== net461) (== netcoreapp2.0) (== netstandard2.0)
      System.ValueTuple (>= 4.3) - restriction: || (&& (== net45) (>= netstandard1.3)) (== net461) (== netcoreapp2.0) (== netstandard2.0)
      System.Xml.ReaderWriter (>= 4.3) - restriction: || (&& (== net45) (>= netstandard1.3)) (== net461) (== netcoreapp2.0) (== netstandard2.0)
      System.Xml.XDocument (>= 4.3) - restriction: || (&& (== net45) (>= netstandard1.3)) (== net461) (== netcoreapp2.0) (== netstandard2.0)
      System.Xml.XmlDocument (>= 4.3) - restriction: || (&& (== net45) (>= netstandard1.3)) (== net461) (== netcoreapp2.0) (== netstandard2.0)
      System.Xml.XPath.XDocument (>= 4.3) - restriction: || (&& (== net45) (>= netstandard1.3)) (== net461) (== netcoreapp2.0) (== netstandard2.0)
    Microsoft.CodeAnalysis.CSharp (2.9) - restriction: || (&& (== net45) (>= net46)) (&& (== net45) (>= netstandard2.0)) (== net461) (== netcoreapp2.0) (== netstandard2.0)
      Microsoft.CodeAnalysis.Common (2.9)
    Microsoft.CodeCoverage (15.9.0) - version_in_path: true, restriction: || (&& (== net45) (>= netcoreapp1.0)) (&& (== net461) (>= netcoreapp1.0)) (== netcoreapp2.0) (&& (== netstandard2.0) (>= netcoreapp1.0))
    Microsoft.DotNet.InternalAbstractions (1.0) - restriction: || (&& (== net45) (>= net46)) (&& (== net45) (>= netstandard2.0)) (== net461) (== netcoreapp2.0) (== netstandard2.0)
      System.AppContext (>= 4.1) - restriction: || (&& (== net45) (>= netstandard1.3)) (&& (== net461) (< net451)) (== netcoreapp2.0) (== netstandard2.0)
      System.Collections (>= 4.0.11) - restriction: || (&& (== net45) (>= netstandard1.3)) (&& (== net461) (< net451)) (== netcoreapp2.0) (== netstandard2.0)
      System.IO (>= 4.1) - restriction: || (&& (== net45) (>= netstandard1.3)) (&& (== net461) (< net451)) (== netcoreapp2.0) (== netstandard2.0)
      System.IO.FileSystem (>= 4.0.1) - restriction: || (&& (== net45) (>= netstandard1.3)) (&& (== net461) (< net451)) (== netcoreapp2.0) (== netstandard2.0)
      System.Reflection.TypeExtensions (>= 4.1) - restriction: || (&& (== net45) (>= netstandard1.3)) (&& (== net461) (< net451)) (== netcoreapp2.0) (== netstandard2.0)
      System.Runtime.Extensions (>= 4.1) - restriction: || (&& (== net45) (>= netstandard1.3)) (&& (== net461) (< net451)) (== netcoreapp2.0) (== netstandard2.0)
      System.Runtime.InteropServices (>= 4.1) - restriction: || (&& (== net45) (>= netstandard1.3)) (&& (== net461) (< net451)) (== netcoreapp2.0) (== netstandard2.0)
      System.Runtime.InteropServices.RuntimeInformation (>= 4.0) - restriction: || (&& (== net45) (>= netstandard1.3)) (&& (== net461) (< net451)) (== netcoreapp2.0) (== netstandard2.0)
    Microsoft.DotNet.PlatformAbstractions (2.1) - restriction: || (&& (== net45) (>= net46)) (&& (== net45) (>= netcoreapp1.0)) (&& (== net45) (>= netstandard2.0)) (== net461) (== netcoreapp2.0) (== netstandard2.0)
      System.AppContext (>= 4.1) - restriction: || (&& (== net461) (< net45)) (== netcoreapp2.0) (== netstandard2.0)
      System.Collections (>= 4.0.11) - restriction: || (&& (== net461) (< net45)) (== netcoreapp2.0) (== netstandard2.0)
      System.IO (>= 4.1) - restriction: || (&& (== net461) (< net45)) (== netcoreapp2.0) (== netstandard2.0)
      System.IO.FileSystem (>= 4.0.1) - restriction: || (&& (== net461) (< net45)) (== netcoreapp2.0) (== netstandard2.0)
      System.Reflection.TypeExtensions (>= 4.1) - restriction: || (&& (== net461) (< net45)) (== netcoreapp2.0) (== netstandard2.0)
      System.Runtime.Extensions (>= 4.1) - restriction: || (&& (== net461) (< net45)) (== netcoreapp2.0) (== netstandard2.0)
      System.Runtime.InteropServices (>= 4.1) - restriction: || (&& (== net461) (< net45)) (== netcoreapp2.0) (== netstandard2.0)
      System.Runtime.InteropServices.RuntimeInformation (>= 4.0)
    Microsoft.Extensions.CommandLineUtils (1.1.1) - restriction: || (&& (== net45) (>= netcoreapp1.0)) (&& (== net461) (>= netcoreapp1.0)) (== netcoreapp2.0) (&& (== netstandard2.0) (>= netcoreapp1.0))
      NETStandard.Library (>= 1.6.1) - restriction: || (&& (== net45) (>= netstandard1.3)) (&& (== net461) (< net451)) (== netcoreapp2.0) (== netstandard2.0)
    Microsoft.Extensions.DependencyModel (2.1.0) - version_in_path: true, restriction: || (&& (== net45) (>= netcoreapp1.0)) (&& (== net461) (>= netcoreapp1.0)) (== netcoreapp2.0) (&& (== netstandard2.0) (>= netcoreapp1.0))
      Microsoft.DotNet.PlatformAbstractions (>= 2.1) - restriction: || (&& (== net45) (>= net451)) (&& (== net45) (>= netstandard1.3)) (== net461) (== netcoreapp2.0) (== netstandard2.0)
      Newtonsoft.Json (>= 9.0.1) - restriction: || (&& (== net45) (>= net451)) (&& (== net45) (>= netstandard1.3)) (== net461) (== netcoreapp2.0) (== netstandard2.0)
      System.Diagnostics.Debug (>= 4.0.11) - restriction: || (&& (== net45) (>= netstandard1.3)) (&& (== net45) (>= netstandard1.6)) (&& (== net461) (< net451)) (== netcoreapp2.0) (== netstandard2.0)
      System.Dynamic.Runtime (>= 4.0.11) - restriction: || (&& (== net45) (>= netstandard1.3)) (&& (== net45) (>= netstandard1.6)) (&& (== net461) (< net451)) (== netcoreapp2.0) (== netstandard2.0)
      System.Linq (>= 4.1) - restriction: || (&& (== net45) (>= netstandard1.3)) (&& (== net45) (>= netstandard1.6)) (&& (== net461) (< net451)) (== netcoreapp2.0) (== netstandard2.0)
    Microsoft.NET.Test.Sdk (15.9.0) - version_in_path: true, restriction: || (&& (== net45) (>= netcoreapp1.0)) (&& (== net461) (>= netcoreapp1.0)) (== netcoreapp2.0) (&& (== netstandard2.0) (>= netcoreapp1.0))
      Microsoft.CodeCoverage (>= 15.9) - restriction: || (== net45) (== net461) (== netcoreapp2.0) (&& (== netstandard2.0) (>= net45)) (&& (== netstandard2.0) (>= netcoreapp1.0))
      Microsoft.TestPlatform.TestHost (>= 15.9) - restriction: || (&& (== net45) (>= netcoreapp1.0)) (&& (== net461) (>= netcoreapp1.0)) (== netcoreapp2.0) (&& (== netstandard2.0) (>= netcoreapp1.0))
    Microsoft.NETCore.App (2.1.5) - restriction: || (&& (== net45) (>= netcoreapp2.0)) (&& (== net461) (>= netcoreapp2.0)) (== netcoreapp2.0) (&& (== netstandard2.0) (>= netcoreapp2.0))
    Microsoft.NETCore.Platforms (2.1.1) - restriction: || (&& (== net45) (== net461)) (&& (== net45) (>= net46)) (&& (== net45) (>= netcoreapp2.0)) (&& (== net45) (>= netstandard2.0)) (&& (== net461) (>= dnxcore50)) (&& (== net461) (< net45)) (&& (== net461) (< net46)) (&& (== net461) (>= netcoreapp2.0)) (== netcoreapp2.0) (== netstandard2.0)
    Microsoft.NETCore.Targets (2.1) - restriction: || (&& (== net45) (>= netcoreapp1.0)) (&& (== net461) (>= dnxcore50)) (&& (== net461) (< net45)) (&& (== net461) (>= netcoreapp1.0)) (== netcoreapp2.0) (== netstandard2.0)
    Microsoft.TestPlatform.ObjectModel (15.9.0) - version_in_path: true, restriction: || (&& (== net45) (>= netcoreapp1.0)) (&& (== net461) (>= netcoreapp1.0)) (== netcoreapp2.0) (&& (== netstandard2.0) (>= netcoreapp1.0))
      NETStandard.Library (>= 1.6) - restriction: || (&& (== net45) (>= netstandard1.5)) (&& (== net461) (< net451) (>= netstandard1.5)) (== netcoreapp2.0) (== netstandard2.0)
      System.ComponentModel.EventBasedAsync (>= 4.0.11) - restriction: || (&& (== net45) (>= netstandard1.5)) (&& (== net461) (< net451) (>= netstandard1.5)) (== netcoreapp2.0) (== netstandard2.0)
      System.ComponentModel.TypeConverter (>= 4.1) - restriction: || (&& (== net45) (>= netstandard1.4)) (&& (== net45) (>= netstandard1.5)) (&& (== net461) (< net451)) (== netcoreapp2.0) (== netstandard2.0)
      System.Diagnostics.Process (>= 4.1) - restriction: || (&& (== net45) (>= netstandard1.5)) (&& (== net461) (< net451) (>= netstandard1.5)) (== netcoreapp2.0) (== netstandard2.0)
      System.Diagnostics.TextWriterTraceListener (>= 4.0) - restriction: || (&& (== net45) (>= netstandard1.5)) (&& (== net461) (< net451) (>= netstandard1.5)) (== netcoreapp2.0) (== netstandard2.0)
      System.Diagnostics.TraceSource (>= 4.0) - restriction: || (&& (== net45) (>= netstandard1.5)) (&& (== net461) (< net451) (>= netstandard1.5)) (== netcoreapp2.0) (== netstandard2.0)
      System.Reflection.Metadata (>= 1.3) - restriction: || (&& (== net45) (>= net451)) (&& (== net45) (>= netstandard1.5)) (== net461) (== netcoreapp2.0) (== netstandard2.0)
      System.Reflection.TypeExtensions (>= 4.1) - restriction: || (&& (== net45) (>= netstandard1.5)) (&& (== net461) (< net451) (>= netstandard1.5)) (== netcoreapp2.0) (== netstandard2.0)
      System.Runtime.InteropServices.RuntimeInformation (>= 4.0) - restriction: || (&& (== net45) (>= netstandard1.4)) (&& (== net45) (>= netstandard1.5)) (&& (== net461) (< net451)) (== netcoreapp2.0) (== netstandard2.0)
      System.Runtime.Loader (>= 4.0) - restriction: || (&& (== net45) (>= netstandard1.5)) (&& (== net461) (< net451) (>= netstandard1.5)) (== netcoreapp2.0) (== netstandard2.0)
      System.Runtime.Serialization.Json (>= 4.0.2) - restriction: || (&& (== net45) (>= netstandard1.5)) (&& (== net461) (< net451) (>= netstandard1.5)) (== netcoreapp2.0) (== netstandard2.0)
      System.Runtime.Serialization.Primitives (>= 4.1.1) - restriction: || (&& (== net45) (>= netstandard1.5)) (&& (== net461) (< net451) (>= netstandard1.5)) (== netcoreapp2.0) (== netstandard2.0)
      System.Threading.Thread (>= 4.0) - restriction: || (&& (== net45) (>= netstandard1.5)) (&& (== net461) (< net451) (>= netstandard1.5)) (== netcoreapp2.0) (== netstandard2.0)
      System.Xml.XPath.XmlDocument (>= 4.0.1) - restriction: || (&& (== net45) (>= netstandard1.5)) (&& (== net461) (< net451) (>= netstandard1.5)) (== netcoreapp2.0) (== netstandard2.0)
    Microsoft.TestPlatform.TestHost (15.9.0) - version_in_path: true, restriction: || (&& (== net45) (>= netcoreapp1.0)) (&& (== net461) (>= netcoreapp1.0)) (== netcoreapp2.0) (&& (== netstandard2.0) (>= netcoreapp1.0))
      Microsoft.Extensions.DependencyModel (>= 1.0.3) - restriction: || (&& (== net45) (>= netcoreapp1.0)) (&& (== net461) (>= netcoreapp1.0)) (== netcoreapp2.0) (&& (== netstandard2.0) (>= netcoreapp1.0))
      Microsoft.TestPlatform.ObjectModel (>= 15.9) - restriction: || (&& (== net45) (>= netcoreapp1.0)) (&& (== net45) (>= uap10.0)) (&& (== net461) (>= netcoreapp1.0)) (&& (== net461) (>= uap10.0)) (== netcoreapp2.0) (&& (== netstandard2.0) (>= netcoreapp1.0)) (&& (== netstandard2.0) (>= uap10.0))
      Newtonsoft.Json (>= 9.0.1) - restriction: || (&& (== net45) (>= netcoreapp1.0)) (&& (== net45) (>= uap10.0)) (&& (== net461) (>= netcoreapp1.0)) (&& (== net461) (>= uap10.0)) (== netcoreapp2.0) (&& (== netstandard2.0) (>= netcoreapp1.0)) (&& (== netstandard2.0) (>= uap10.0))
    Microsoft.Win32.Primitives (4.3) - restriction: || (&& (== net45) (>= netcoreapp1.0)) (&& (== net461) (>= netcoreapp1.0)) (== netcoreapp2.0) (&& (== netstandard2.0) (>= netcoreapp1.0))
      Microsoft.NETCore.Platforms (>= 1.1) - restriction: || (&& (== net45) (>= netstandard1.3)) (&& (== net461) (< net46)) (== netcoreapp2.0) (== netstandard2.0)
      Microsoft.NETCore.Targets (>= 1.1) - restriction: || (&& (== net45) (>= netstandard1.3)) (&& (== net461) (< net46)) (== netcoreapp2.0) (== netstandard2.0)
      System.Runtime (>= 4.3) - restriction: || (&& (== net45) (>= netstandard1.3)) (&& (== net461) (< net46)) (== netcoreapp2.0) (== netstandard2.0)
    Microsoft.Win32.Registry (4.5) - restriction: || (&& (== net45) (>= net46)) (&& (== net45) (>= netcoreapp2.0)) (&& (== net45) (>= netstandard2.0)) (== net461) (== netcoreapp2.0) (== netstandard2.0)
      System.Buffers (>= 4.4) - restriction: || (&& (== net45) (>= monoandroid)) (&& (== net45) (>= monotouch)) (&& (== net45) (>= netstandard2.0)) (&& (== net45) (>= xamarinios)) (&& (== net45) (>= xamarinmac)) (&& (== net45) (>= xamarintvos)) (&& (== net45) (>= xamarinwatchos)) (&& (== net461) (>= monoandroid)) (&& (== net461) (>= monotouch)) (&& (== net461) (< net46) (>= netstandard2.0)) (&& (== net461) (>= xamarinios)) (&& (== net461) (>= xamarinmac)) (&& (== net461) (>= xamarintvos)) (&& (== net461) (>= xamarinwatchos)) (&& (== netcoreapp2.0) (>= monoandroid) (< netstandard2.0)) (&& (== netcoreapp2.0) (>= monotouch)) (&& (== netcoreapp2.0) (>= xamarinios)) (&& (== netcoreapp2.0) (>= xamarinmac)) (&& (== netcoreapp2.0) (>= xamarintvos)) (&& (== netcoreapp2.0) (>= xamarinwatchos)) (== netstandard2.0)
      System.Memory (>= 4.5) - restriction: || (&& (== net45) (>= netcoreapp2.0)) (&& (== net45) (>= netstandard2.0)) (&& (== net45) (>= uap10.1)) (&& (== net461) (< net46) (>= netstandard2.0)) (&& (== net461) (>= netcoreapp2.0)) (&& (== net461) (>= uap10.1)) (== netcoreapp2.0) (== netstandard2.0)
      System.Security.AccessControl (>= 4.5) - restriction: || (&& (== net45) (>= monoandroid)) (&& (== net45) (>= monotouch)) (&& (== net45) (>= net461)) (&& (== net45) (>= netcoreapp2.0)) (&& (== net45) (>= netstandard2.0)) (&& (== net45) (>= xamarinios)) (&& (== net45) (>= xamarinmac)) (&& (== net45) (>= xamarintvos)) (&& (== net45) (>= xamarinwatchos)) (== net461) (== netcoreapp2.0) (== netstandard2.0)
      System.Security.Principal.Windows (>= 4.5) - restriction: || (&& (== net45) (>= monoandroid)) (&& (== net45) (>= monotouch)) (&& (== net45) (>= net461)) (&& (== net45) (>= netcoreapp2.0)) (&& (== net45) (>= netstandard2.0)) (&& (== net45) (>= xamarinios)) (&& (== net45) (>= xamarinmac)) (&& (== net45) (>= xamarintvos)) (&& (== net45) (>= xamarinwatchos)) (== net461) (== netcoreapp2.0) (== netstandard2.0)
    NETStandard.Library (2.0.3) - restriction: || (== net45) (&& (== net461) (< net452)) (&& (== net461) (>= netcoreapp1.0)) (== netcoreapp2.0) (== netstandard2.0)
      Microsoft.NETCore.Platforms (>= 1.1)
    Newtonsoft.Json (11.0.2)
    NuGet.Common (4.8) - restriction: || (&& (== net45) (>= netcoreapp1.0)) (&& (== net461) (>= netcoreapp1.0)) (== netcoreapp2.0) (&& (== netstandard2.0) (>= netcoreapp1.0))
      NETStandard.Library (>= 1.6.1) - restriction: || (&& (== net45) (>= netstandard1.6)) (&& (== net461) (< net46) (>= netstandard1.6)) (== netcoreapp2.0) (== netstandard2.0)
      NuGet.Frameworks (>= 4.8) - restriction: || (&& (== net45) (>= net46)) (&& (== net45) (>= netstandard1.6)) (== net461) (== netcoreapp2.0) (== netstandard2.0)
      System.Diagnostics.Process (>= 4.3) - restriction: || (&& (== net45) (>= netstandard1.6)) (&& (== net461) (< net46) (>= netstandard1.6)) (== netcoreapp2.0) (== netstandard2.0)
      System.Threading.Thread (>= 4.3) - restriction: || (&& (== net45) (>= netstandard1.6)) (&& (== net461) (< net46) (>= netstandard1.6)) (== netcoreapp2.0) (== netstandard2.0)
    NuGet.Frameworks (4.8) - restriction: || (&& (== net45) (>= netcoreapp1.0)) (&& (== net461) (>= netcoreapp1.0)) (== netcoreapp2.0) (&& (== netstandard2.0) (>= netcoreapp1.0))
      NETStandard.Library (>= 1.6.1) - restriction: || (&& (== net45) (< net40) (>= netstandard1.6)) (&& (== net461) (< net40) (>= netstandard1.6)) (== netcoreapp2.0) (== netstandard2.0)
    NuGet.Packaging (4.8) - restriction: || (&& (== net45) (>= netcoreapp1.0)) (&& (== net461) (>= netcoreapp1.0)) (== netcoreapp2.0) (&& (== netstandard2.0) (>= netcoreapp1.0))
      NETStandard.Library (>= 1.6.1) - restriction: || (&& (== net45) (>= netstandard1.6)) (&& (== net461) (< net46) (>= netstandard1.6)) (== netcoreapp2.0) (== netstandard2.0)
      Newtonsoft.Json (>= 9.0.1) - restriction: || (&& (== net45) (>= net46)) (&& (== net45) (>= netstandard1.6)) (== net461) (== netcoreapp2.0) (== netstandard2.0)
      NuGet.Packaging.Core (>= 4.8) - restriction: || (&& (== net45) (>= net46)) (&& (== net45) (>= netstandard1.6)) (== net461) (== netcoreapp2.0) (== netstandard2.0)
      System.Dynamic.Runtime (>= 4.3) - restriction: || (&& (== net45) (>= netstandard1.6)) (&& (== net461) (< net46) (>= netstandard1.6)) (== netcoreapp2.0) (== netstandard2.0)
    NuGet.Packaging.Core (4.8) - restriction: || (&& (== net45) (>= netcoreapp1.0)) (&& (== net461) (>= netcoreapp1.0)) (== netcoreapp2.0) (&& (== netstandard2.0) (>= netcoreapp1.0))
      NETStandard.Library (>= 1.6.1) - restriction: || (&& (== net45) (>= netstandard1.6)) (&& (== net461) (< net46) (>= netstandard1.6)) (== netcoreapp2.0) (== netstandard2.0)
      NuGet.Common (>= 4.8) - restriction: || (&& (== net45) (>= net46)) (&& (== net45) (>= netstandard1.6)) (== net461) (== netcoreapp2.0) (== netstandard2.0)
      NuGet.Versioning (>= 4.8) - restriction: || (&& (== net45) (>= net46)) (&& (== net45) (>= netstandard1.6)) (== net461) (== netcoreapp2.0) (== netstandard2.0)
    NuGet.Versioning (4.8) - restriction: || (&& (== net45) (>= netcoreapp1.0)) (&& (== net461) (>= netcoreapp1.0)) (== netcoreapp2.0) (&& (== netstandard2.0) (>= netcoreapp1.0))
      NETStandard.Library (>= 1.6.1) - restriction: || (&& (== net45) (>= netstandard1.6)) (&& (== net461) (< net46) (>= netstandard1.6)) (== netcoreapp2.0) (== netstandard2.0)
    runtime.debian.8-x64.runtime.native.System.Security.Cryptography.OpenSsl (4.3.3) - restriction: || (&& (== net45) (== net461) (>= netstandard1.6)) (&& (== net45) (>= net46) (>= netstandard1.6)) (&& (== net45) (>= netstandard2.0)) (&& (== net461) (< net46) (>= netstandard1.6)) (== netcoreapp2.0) (== netstandard2.0)
    runtime.debian.9-x64.runtime.native.System.Security.Cryptography.OpenSsl (4.3.3) - restriction: || (&& (== net45) (== net461) (>= netstandard1.6)) (&& (== net45) (>= net46) (>= netstandard1.6)) (&& (== net45) (>= netstandard2.0)) (&& (== net461) (< net46) (>= netstandard1.6)) (== netcoreapp2.0) (== netstandard2.0)
    runtime.fedora.23-x64.runtime.native.System.Security.Cryptography.OpenSsl (4.3.3) - restriction: || (&& (== net45) (== net461) (>= netstandard1.6)) (&& (== net45) (>= net46) (>= netstandard1.6)) (&& (== net45) (>= netstandard2.0)) (&& (== net461) (< net46) (>= netstandard1.6)) (== netcoreapp2.0) (== netstandard2.0)
    runtime.fedora.24-x64.runtime.native.System.Security.Cryptography.OpenSsl (4.3.3) - restriction: || (&& (== net45) (== net461) (>= netstandard1.6)) (&& (== net45) (>= net46) (>= netstandard1.6)) (&& (== net45) (>= netstandard2.0)) (&& (== net461) (< net46) (>= netstandard1.6)) (== netcoreapp2.0) (== netstandard2.0)
    runtime.fedora.27-x64.runtime.native.System.Security.Cryptography.OpenSsl (4.3.3) - restriction: || (&& (== net45) (== net461) (>= netstandard1.6)) (&& (== net45) (>= net46) (>= netstandard1.6)) (&& (== net45) (>= netstandard2.0)) (&& (== net461) (< net46) (>= netstandard1.6)) (== netcoreapp2.0) (== netstandard2.0)
    runtime.fedora.28-x64.runtime.native.System.Security.Cryptography.OpenSsl (4.3.3) - restriction: || (&& (== net45) (== net461) (>= netstandard1.6)) (&& (== net45) (>= net46) (>= netstandard1.6)) (&& (== net45) (>= netstandard2.0)) (&& (== net461) (< net46) (>= netstandard1.6)) (== netcoreapp2.0) (== netstandard2.0)
    runtime.native.System (4.3.1) - restriction: || (&& (== net45) (>= netcoreapp1.0)) (&& (== net461) (< net45)) (&& (== net461) (>= netcoreapp1.0)) (== netcoreapp2.0) (== netstandard2.0)
      Microsoft.NETCore.Platforms (>= 1.1.1)
      Microsoft.NETCore.Targets (>= 1.1.3)
    runtime.native.System.IO.Compression (4.3.2) - restriction: || (&& (== net45) (>= dnxcore50) (>= net46)) (&& (== net45) (>= dnxcore50) (>= netstandard2.0)) (&& (== net461) (>= dnxcore50)) (&& (== net461) (< net45)) (== netcoreapp2.0) (== netstandard2.0)
      Microsoft.NETCore.Platforms (>= 1.1.1)
      Microsoft.NETCore.Targets (>= 1.1.3)
    runtime.native.System.Net.Http (4.3.1) - restriction: || (&& (== net45) (== net461) (>= netstandard1.6)) (&& (== net45) (>= net46) (>= netstandard1.6)) (&& (== net45) (>= netstandard2.0)) (&& (== net461) (< net46) (>= netstandard1.6)) (== netcoreapp2.0) (== netstandard2.0)
      Microsoft.NETCore.Platforms (>= 1.1.1)
      Microsoft.NETCore.Targets (>= 1.1.3)
    runtime.native.System.Security.Cryptography.Apple (4.3.1) - restriction: || (&& (== net45) (== net461) (>= netstandard1.6)) (&& (== net45) (>= net46) (>= netstandard1.6)) (&& (== net45) (>= netstandard2.0)) (&& (== net461) (< net46) (>= netstandard1.6)) (== netcoreapp2.0) (== netstandard2.0)
      runtime.osx.10.10-x64.runtime.native.System.Security.Cryptography.Apple (>= 4.3.1)
    runtime.native.System.Security.Cryptography.OpenSsl (4.3.3) - restriction: || (&& (== net45) (== net461) (>= netstandard1.6)) (&& (== net45) (>= net46) (>= netstandard1.6)) (&& (== net45) (>= netstandard2.0)) (&& (== net461) (< net46) (>= netstandard1.6)) (== netcoreapp2.0) (== netstandard2.0)
      runtime.debian.8-x64.runtime.native.System.Security.Cryptography.OpenSsl (>= 4.3.3)
      runtime.debian.9-x64.runtime.native.System.Security.Cryptography.OpenSsl (>= 4.3.3)
      runtime.fedora.23-x64.runtime.native.System.Security.Cryptography.OpenSsl (>= 4.3.3)
      runtime.fedora.24-x64.runtime.native.System.Security.Cryptography.OpenSsl (>= 4.3.3)
      runtime.fedora.27-x64.runtime.native.System.Security.Cryptography.OpenSsl (>= 4.3.3)
      runtime.fedora.28-x64.runtime.native.System.Security.Cryptography.OpenSsl (>= 4.3.3)
      runtime.opensuse.13.2-x64.runtime.native.System.Security.Cryptography.OpenSsl (>= 4.3.3)
      runtime.opensuse.42.1-x64.runtime.native.System.Security.Cryptography.OpenSsl (>= 4.3.3)
      runtime.opensuse.42.3-x64.runtime.native.System.Security.Cryptography.OpenSsl (>= 4.3.3)
      runtime.osx.10.10-x64.runtime.native.System.Security.Cryptography.OpenSsl (>= 4.3.3)
      runtime.rhel.7-x64.runtime.native.System.Security.Cryptography.OpenSsl (>= 4.3.3)
      runtime.ubuntu.14.04-x64.runtime.native.System.Security.Cryptography.OpenSsl (>= 4.3.3)
      runtime.ubuntu.16.04-x64.runtime.native.System.Security.Cryptography.OpenSsl (>= 4.3.3)
      runtime.ubuntu.16.10-x64.runtime.native.System.Security.Cryptography.OpenSsl (>= 4.3.3)
      runtime.ubuntu.18.04-x64.runtime.native.System.Security.Cryptography.OpenSsl (>= 4.3.3)
    runtime.opensuse.13.2-x64.runtime.native.System.Security.Cryptography.OpenSsl (4.3.3) - restriction: || (&& (== net45) (== net461) (>= netstandard1.6)) (&& (== net45) (>= net46) (>= netstandard1.6)) (&& (== net45) (>= netstandard2.0)) (&& (== net461) (< net46) (>= netstandard1.6)) (== netcoreapp2.0) (== netstandard2.0)
    runtime.opensuse.42.1-x64.runtime.native.System.Security.Cryptography.OpenSsl (4.3.3) - restriction: || (&& (== net45) (== net461) (>= netstandard1.6)) (&& (== net45) (>= net46) (>= netstandard1.6)) (&& (== net45) (>= netstandard2.0)) (&& (== net461) (< net46) (>= netstandard1.6)) (== netcoreapp2.0) (== netstandard2.0)
    runtime.opensuse.42.3-x64.runtime.native.System.Security.Cryptography.OpenSsl (4.3.3) - restriction: || (&& (== net45) (== net461) (>= netstandard1.6)) (&& (== net45) (>= net46) (>= netstandard1.6)) (&& (== net45) (>= netstandard2.0)) (&& (== net461) (< net46) (>= netstandard1.6)) (== netcoreapp2.0) (== netstandard2.0)
    runtime.osx.10.10-x64.runtime.native.System.Security.Cryptography.Apple (4.3.1) - restriction: || (&& (== net45) (== net461) (>= netstandard1.6)) (&& (== net45) (>= net46) (>= netstandard1.6)) (&& (== net45) (>= netstandard2.0)) (&& (== net461) (< net46) (>= netstandard1.6)) (== netcoreapp2.0) (== netstandard2.0)
    runtime.osx.10.10-x64.runtime.native.System.Security.Cryptography.OpenSsl (4.3.3) - restriction: || (&& (== net45) (== net461) (>= netstandard1.6)) (&& (== net45) (>= net46) (>= netstandard1.6)) (&& (== net45) (>= netstandard2.0)) (&& (== net461) (< net46) (>= netstandard1.6)) (== netcoreapp2.0) (== netstandard2.0)
    runtime.rhel.7-x64.runtime.native.System.Security.Cryptography.OpenSsl (4.3.3) - restriction: || (&& (== net45) (== net461) (>= netstandard1.6)) (&& (== net45) (>= net46) (>= netstandard1.6)) (&& (== net45) (>= netstandard2.0)) (&& (== net461) (< net46) (>= netstandard1.6)) (== netcoreapp2.0) (== netstandard2.0)
    runtime.ubuntu.14.04-x64.runtime.native.System.Security.Cryptography.OpenSsl (4.3.3) - restriction: || (&& (== net45) (== net461) (>= netstandard1.6)) (&& (== net45) (>= net46) (>= netstandard1.6)) (&& (== net45) (>= netstandard2.0)) (&& (== net461) (< net46) (>= netstandard1.6)) (== netcoreapp2.0) (== netstandard2.0)
    runtime.ubuntu.16.04-x64.runtime.native.System.Security.Cryptography.OpenSsl (4.3.3) - restriction: || (&& (== net45) (== net461) (>= netstandard1.6)) (&& (== net45) (>= net46) (>= netstandard1.6)) (&& (== net45) (>= netstandard2.0)) (&& (== net461) (< net46) (>= netstandard1.6)) (== netcoreapp2.0) (== netstandard2.0)
    runtime.ubuntu.16.10-x64.runtime.native.System.Security.Cryptography.OpenSsl (4.3.3) - restriction: || (&& (== net45) (== net461) (>= netstandard1.6)) (&& (== net45) (>= net46) (>= netstandard1.6)) (&& (== net45) (>= netstandard2.0)) (&& (== net461) (< net46) (>= netstandard1.6)) (== netcoreapp2.0) (== netstandard2.0)
    runtime.ubuntu.18.04-x64.runtime.native.System.Security.Cryptography.OpenSsl (4.3.3) - restriction: || (&& (== net45) (== net461) (>= netstandard1.6)) (&& (== net45) (>= net46) (>= netstandard1.6)) (&& (== net45) (>= netstandard2.0)) (&& (== net461) (< net46) (>= netstandard1.6)) (== netcoreapp2.0) (== netstandard2.0)
    SourceLink.Create.CommandLine (2.8.3) - copy_local: true
    System.AppContext (4.3) - restriction: || (&& (== net45) (>= net46)) (&& (== net45) (>= netstandard2.0)) (== net461) (== netcoreapp2.0) (== netstandard2.0)
      System.Runtime (>= 4.3) - restriction: || (&& (== net45) (>= dnxcore50)) (&& (== net45) (>= netstandard1.3)) (&& (== net45) (>= netstandard1.6)) (&& (== net461) (>= dnxcore50)) (&& (== net461) (< net46)) (== netcoreapp2.0) (== netstandard2.0)
    System.Buffers (4.5) - restriction: || (&& (== net45) (>= dnxcore50) (>= net46)) (&& (== net45) (>= monoandroid) (>= net46)) (&& (== net45) (>= monotouch) (>= net46)) (&& (== net45) (>= net46) (>= xamarinmac)) (&& (== net45) (>= net46) (>= xamarintvos)) (&& (== net45) (>= net46) (>= xamarinwatchos)) (&& (== net45) (>= netstandard2.0)) (&& (== net45) (>= xamarinios)) (&& (== net461) (>= dnxcore50)) (&& (== net461) (>= monoandroid)) (&& (== net461) (>= monotouch)) (&& (== net461) (< net45)) (&& (== net461) (< net46) (>= netstandard2.0)) (&& (== net461) (>= xamarinios)) (&& (== net461) (>= xamarinmac)) (&& (== net461) (>= xamarintvos)) (&& (== net461) (>= xamarinwatchos)) (== netcoreapp2.0) (== netstandard2.0)
    System.CodeDom (4.5) - restriction: || (&& (== net45) (>= netcoreapp2.0)) (&& (== net461) (< net45) (>= netstandard2.0)) (&& (== net461) (>= netcoreapp2.0)) (== netcoreapp2.0) (== netstandard2.0)
    System.Collections (4.3) - restriction: || (&& (== net45) (>= net46)) (&& (== net45) (>= netcoreapp1.0)) (&& (== net45) (>= netstandard2.0)) (== net461) (== netcoreapp2.0) (== netstandard2.0)
      Microsoft.NETCore.Platforms (>= 1.1) - restriction: || (&& (== net45) (>= dnxcore50)) (&& (== net461) (>= dnxcore50)) (&& (== net461) (< net45)) (== netcoreapp2.0) (== netstandard2.0)
      Microsoft.NETCore.Targets (>= 1.1) - restriction: || (&& (== net45) (>= dnxcore50)) (&& (== net461) (>= dnxcore50)) (&& (== net461) (< net45)) (== netcoreapp2.0) (== netstandard2.0)
      System.Runtime (>= 4.3) - restriction: || (&& (== net45) (>= dnxcore50)) (&& (== net461) (>= dnxcore50)) (&& (== net461) (< net45)) (== netcoreapp2.0) (== netstandard2.0)
    System.Collections.Concurrent (4.3) - restriction: || (&& (== net45) (>= net46)) (&& (== net45) (>= netcoreapp1.0)) (&& (== net45) (>= netstandard2.0)) (== net461) (== netcoreapp2.0) (== netstandard2.0)
      System.Collections (>= 4.3) - restriction: || (&& (== net45) (>= dnxcore50)) (&& (== net461) (>= dnxcore50)) (&& (== net461) (< net45)) (== netcoreapp2.0) (== netstandard2.0)
      System.Diagnostics.Debug (>= 4.3) - restriction: || (&& (== net45) (>= dnxcore50)) (&& (== net461) (>= dnxcore50)) (&& (== net461) (< net45)) (== netcoreapp2.0) (== netstandard2.0)
      System.Diagnostics.Tracing (>= 4.3) - restriction: || (&& (== net45) (>= dnxcore50)) (&& (== net461) (>= dnxcore50)) (&& (== net461) (< net45)) (== netcoreapp2.0) (== netstandard2.0)
      System.Globalization (>= 4.3) - restriction: || (&& (== net45) (>= dnxcore50)) (&& (== net461) (>= dnxcore50)) (&& (== net461) (< net45)) (== netcoreapp2.0) (== netstandard2.0)
      System.Reflection (>= 4.3) - restriction: || (&& (== net461) (< net45)) (== netcoreapp2.0) (== netstandard2.0)
      System.Resources.ResourceManager (>= 4.3) - restriction: || (&& (== net45) (>= dnxcore50)) (&& (== net461) (>= dnxcore50)) (&& (== net461) (< net45)) (== netcoreapp2.0) (== netstandard2.0)
      System.Runtime (>= 4.3) - restriction: || (&& (== net45) (>= dnxcore50)) (&& (== net461) (>= dnxcore50)) (&& (== net461) (< net45)) (== netcoreapp2.0) (== netstandard2.0)
      System.Runtime.Extensions (>= 4.3) - restriction: || (&& (== net45) (>= dnxcore50)) (&& (== net461) (>= dnxcore50)) (&& (== net461) (< net45)) (== netcoreapp2.0) (== netstandard2.0)
      System.Threading (>= 4.3) - restriction: || (&& (== net45) (>= dnxcore50)) (&& (== net461) (>= dnxcore50)) (&& (== net461) (< net45)) (== netcoreapp2.0) (== netstandard2.0)
      System.Threading.Tasks (>= 4.3) - restriction: || (&& (== net45) (>= dnxcore50)) (&& (== net461) (>= dnxcore50)) (&& (== net461) (< net45)) (== netcoreapp2.0) (== netstandard2.0)
    System.Collections.Immutable (1.5) - restriction: || (&& (== net45) (>= net46)) (&& (== net45) (>= netstandard2.0)) (== net461) (== netcoreapp2.0) (== netstandard2.0)
    System.Collections.NonGeneric (4.3.0) - version_in_path: true, restriction: || (&& (== net45) (>= netcoreapp1.0)) (&& (== net461) (>= netcoreapp1.0)) (== netcoreapp2.0) (&& (== netstandard2.0) (>= netcoreapp1.0))
      System.Diagnostics.Debug (>= 4.3) - restriction: || (&& (== net45) (>= netstandard1.3)) (&& (== net461) (< net46)) (== netcoreapp2.0) (== netstandard2.0)
      System.Globalization (>= 4.3) - restriction: || (&& (== net45) (>= netstandard1.3)) (&& (== net461) (< net46)) (== netcoreapp2.0) (== netstandard2.0)
      System.Resources.ResourceManager (>= 4.3) - restriction: || (&& (== net45) (>= netstandard1.3)) (&& (== net461) (< net46)) (== netcoreapp2.0) (== netstandard2.0)
      System.Runtime (>= 4.3) - restriction: || (&& (== net45) (>= netstandard1.3)) (&& (== net461) (< net46)) (== netcoreapp2.0) (== netstandard2.0)
      System.Runtime.Extensions (>= 4.3) - restriction: || (&& (== net45) (>= netstandard1.3)) (&& (== net461) (< net46)) (== netcoreapp2.0) (== netstandard2.0)
      System.Threading (>= 4.3) - restriction: || (&& (== net45) (>= netstandard1.3)) (&& (== net461) (< net46)) (== netcoreapp2.0) (== netstandard2.0)
    System.Collections.Specialized (4.3.0) - version_in_path: true, restriction: || (&& (== net45) (>= netcoreapp1.0)) (&& (== net461) (>= netcoreapp1.0)) (== netcoreapp2.0) (&& (== netstandard2.0) (>= netcoreapp1.0))
      System.Collections.NonGeneric (>= 4.3) - restriction: || (&& (== net45) (>= netstandard1.3)) (&& (== net461) (< net46)) (== netcoreapp2.0) (== netstandard2.0)
      System.Globalization (>= 4.3) - restriction: || (&& (== net45) (>= netstandard1.3)) (&& (== net461) (< net46)) (== netcoreapp2.0) (== netstandard2.0)
      System.Globalization.Extensions (>= 4.3) - restriction: || (&& (== net45) (>= netstandard1.3)) (&& (== net461) (< net46)) (== netcoreapp2.0) (== netstandard2.0)
      System.Resources.ResourceManager (>= 4.3) - restriction: || (&& (== net45) (>= netstandard1.3)) (&& (== net461) (< net46)) (== netcoreapp2.0) (== netstandard2.0)
      System.Runtime (>= 4.3) - restriction: || (&& (== net45) (>= netstandard1.3)) (&& (== net461) (< net46)) (== netcoreapp2.0) (== netstandard2.0)
      System.Runtime.Extensions (>= 4.3) - restriction: || (&& (== net45) (>= netstandard1.3)) (&& (== net461) (< net46)) (== netcoreapp2.0) (== netstandard2.0)
      System.Threading (>= 4.3) - restriction: || (&& (== net45) (>= netstandard1.3)) (&& (== net461) (< net46)) (== netcoreapp2.0) (== netstandard2.0)
    System.ComponentModel (4.3.0) - version_in_path: true, restriction: || (&& (== net45) (>= netcoreapp1.0)) (&& (== net461) (>= netcoreapp1.0)) (== netcoreapp2.0) (&& (== netstandard2.0) (>= netcoreapp1.0))
      System.Runtime (>= 4.3) - restriction: || (&& (== net45) (>= dnxcore50)) (&& (== net461) (>= dnxcore50)) (&& (== net461) (< net45)) (== netcoreapp2.0) (== netstandard2.0)
    System.ComponentModel.EventBasedAsync (4.3.0) - version_in_path: true, restriction: || (&& (== net45) (>= netcoreapp1.0)) (&& (== net461) (>= netcoreapp1.0)) (== netcoreapp2.0) (&& (== netstandard2.0) (>= netcoreapp1.0))
      System.Resources.ResourceManager (>= 4.3) - restriction: || (&& (== net45) (>= dnxcore50)) (&& (== net461) (>= dnxcore50)) (&& (== net461) (< net45)) (== netcoreapp2.0) (== netstandard2.0)
      System.Runtime (>= 4.3) - restriction: || (&& (== net45) (>= dnxcore50)) (&& (== net461) (>= dnxcore50)) (&& (== net461) (< net45)) (== netcoreapp2.0) (== netstandard2.0)
      System.Threading (>= 4.3) - restriction: || (&& (== net45) (>= dnxcore50)) (&& (== net461) (>= dnxcore50)) (&& (== net461) (< net45)) (== netcoreapp2.0) (== netstandard2.0)
      System.Threading.Tasks (>= 4.3) - restriction: || (&& (== net45) (>= dnxcore50)) (&& (== net461) (>= dnxcore50)) (&& (== net461) (< net45)) (== netcoreapp2.0) (== netstandard2.0)
    System.ComponentModel.Primitives (4.3.0) - version_in_path: true, restriction: || (&& (== net45) (>= netcoreapp1.0)) (&& (== net461) (>= netcoreapp1.0)) (== netcoreapp2.0) (&& (== netstandard2.0) (>= netcoreapp1.0))
      System.ComponentModel (>= 4.3) - restriction: || (&& (== net461) (< net45)) (== netcoreapp2.0) (== netstandard2.0)
      System.Resources.ResourceManager (>= 4.3) - restriction: || (&& (== net461) (< net45)) (== netcoreapp2.0) (== netstandard2.0)
      System.Runtime (>= 4.3) - restriction: || (&& (== net461) (< net45)) (== netcoreapp2.0) (== netstandard2.0)
    System.ComponentModel.TypeConverter (4.3.0) - version_in_path: true, restriction: || (&& (== net45) (>= netcoreapp1.0)) (&& (== net461) (>= netcoreapp1.0)) (== netcoreapp2.0) (&& (== netstandard2.0) (>= netcoreapp1.0))
      System.Collections (>= 4.3) - restriction: || (&& (== net461) (< net45)) (== netcoreapp2.0) (== netstandard2.0)
      System.Collections.NonGeneric (>= 4.3) - restriction: || (&& (== net45) (>= net462)) (&& (== net461) (< net45) (>= netstandard1.5)) (&& (== net461) (>= net462)) (== netcoreapp2.0) (== netstandard2.0)
      System.Collections.Specialized (>= 4.3) - restriction: || (&& (== net461) (< net45) (>= netstandard1.5)) (== netcoreapp2.0) (== netstandard2.0)
      System.ComponentModel (>= 4.3) - restriction: || (&& (== net461) (< net45)) (== netcoreapp2.0) (== netstandard2.0)
      System.ComponentModel.Primitives (>= 4.3)
      System.Globalization (>= 4.3) - restriction: || (&& (== net461) (< net45)) (== netcoreapp2.0) (== netstandard2.0)
      System.Linq (>= 4.3) - restriction: || (&& (== net461) (< net45) (>= netstandard1.5)) (== netcoreapp2.0) (== netstandard2.0)
      System.Reflection (>= 4.3) - restriction: || (&& (== net461) (< net45)) (== netcoreapp2.0) (== netstandard2.0)
      System.Reflection.Extensions (>= 4.3) - restriction: || (&& (== net461) (< net45)) (== netcoreapp2.0) (== netstandard2.0)
      System.Reflection.Primitives (>= 4.3) - restriction: || (&& (== net461) (< net45)) (== netcoreapp2.0) (== netstandard2.0)
      System.Reflection.TypeExtensions (>= 4.3) - restriction: || (&& (== net461) (< net45) (>= netstandard1.5)) (== netcoreapp2.0) (== netstandard2.0)
      System.Resources.ResourceManager (>= 4.3) - restriction: || (&& (== net461) (< net45)) (== netcoreapp2.0) (== netstandard2.0)
      System.Runtime (>= 4.3) - restriction: || (&& (== net461) (< net45)) (== netcoreapp2.0) (== netstandard2.0)
      System.Runtime.Extensions (>= 4.3) - restriction: || (&& (== net461) (< net45)) (== netcoreapp2.0) (== netstandard2.0)
      System.Threading (>= 4.3) - restriction: || (&& (== net461) (< net45)) (== netcoreapp2.0) (== netstandard2.0)
    System.Console (4.3.1) - restriction: || (&& (== net45) (>= net46)) (&& (== net45) (>= netstandard2.0)) (== net461) (== netcoreapp2.0) (== netstandard2.0)
      Microsoft.NETCore.Platforms (>= 1.1) - restriction: || (&& (== net45) (>= netstandard1.3)) (&& (== net461) (< net46)) (== netcoreapp2.0) (== netstandard2.0)
      Microsoft.NETCore.Targets (>= 1.1.2) - restriction: || (&& (== net45) (>= netstandard1.3)) (&& (== net461) (< net46)) (== netcoreapp2.0) (== netstandard2.0)
      System.IO (>= 4.3) - restriction: || (&& (== net45) (>= netstandard1.3)) (&& (== net461) (< net46)) (== netcoreapp2.0) (== netstandard2.0)
      System.Runtime (>= 4.3) - restriction: || (&& (== net45) (>= netstandard1.3)) (&& (== net461) (< net46)) (== netcoreapp2.0) (== netstandard2.0)
      System.Text.Encoding (>= 4.3) - restriction: || (&& (== net45) (>= netstandard1.3)) (&& (== net461) (< net46)) (== netcoreapp2.0) (== netstandard2.0)
    System.Diagnostics.Debug (4.3) - restriction: || (&& (== net45) (>= net46)) (&& (== net45) (>= netcoreapp1.0)) (&& (== net45) (>= netstandard2.0)) (== net461) (== netcoreapp2.0) (== netstandard2.0)
      Microsoft.NETCore.Platforms (>= 1.1) - restriction: || (&& (== net45) (>= dnxcore50)) (&& (== net461) (>= dnxcore50)) (&& (== net461) (< net45)) (== netcoreapp2.0) (== netstandard2.0)
      Microsoft.NETCore.Targets (>= 1.1) - restriction: || (&& (== net45) (>= dnxcore50)) (&& (== net461) (>= dnxcore50)) (&& (== net461) (< net45)) (== netcoreapp2.0) (== netstandard2.0)
      System.Runtime (>= 4.3) - restriction: || (&& (== net45) (>= dnxcore50)) (&& (== net461) (>= dnxcore50)) (&& (== net461) (< net45)) (== netcoreapp2.0) (== netstandard2.0)
    System.Diagnostics.FileVersionInfo (4.3) - restriction: || (&& (== net45) (>= net46)) (&& (== net45) (>= netstandard2.0)) (== net461) (== netcoreapp2.0) (== netstandard2.0)
      Microsoft.NETCore.Platforms (>= 1.1) - restriction: || (&& (== net45) (>= dnxcore50)) (&& (== net45) (>= netstandard1.3)) (&& (== net461) (>= dnxcore50)) (&& (== net461) (< net46)) (== netcoreapp2.0) (== netstandard2.0)
      System.Globalization (>= 4.3) - restriction: || (&& (== net45) (>= netstandard1.3)) (&& (== net461) (< net46)) (== netcoreapp2.0) (== netstandard2.0)
      System.IO (>= 4.3) - restriction: || (&& (== net45) (>= dnxcore50)) (&& (== net45) (>= netstandard1.3)) (&& (== net461) (>= dnxcore50)) (&& (== net461) (< net46)) (== netcoreapp2.0) (== netstandard2.0)
      System.IO.FileSystem (>= 4.3) - restriction: || (&& (== net45) (>= dnxcore50)) (&& (== net45) (>= netstandard1.3)) (&& (== net461) (>= dnxcore50)) (&& (== net461) (< net46)) (== netcoreapp2.0) (== netstandard2.0)
      System.IO.FileSystem.Primitives (>= 4.3) - restriction: || (&& (== net45) (>= dnxcore50)) (&& (== net45) (>= netstandard1.3)) (&& (== net461) (>= dnxcore50)) (&& (== net461) (< net46)) (== netcoreapp2.0) (== netstandard2.0)
      System.Reflection.Metadata (>= 1.4.1) - restriction: || (&& (== net45) (>= dnxcore50)) (&& (== net45) (>= netstandard1.3)) (&& (== net461) (>= dnxcore50)) (&& (== net461) (< net46)) (== netcoreapp2.0) (== netstandard2.0)
      System.Runtime (>= 4.3) - restriction: || (&& (== net45) (>= dnxcore50)) (&& (== net45) (>= netstandard1.3)) (&& (== net461) (>= dnxcore50)) (&& (== net461) (< net46)) (== netcoreapp2.0) (== netstandard2.0)
      System.Runtime.Extensions (>= 4.3) - restriction: || (&& (== net45) (>= dnxcore50)) (&& (== net45) (>= netstandard1.3)) (&& (== net461) (>= dnxcore50)) (&& (== net461) (< net46)) (== netcoreapp2.0) (== netstandard2.0)
      System.Runtime.InteropServices (>= 4.3) - restriction: || (&& (== net45) (>= netstandard1.3)) (&& (== net461) (< net46)) (== netcoreapp2.0) (== netstandard2.0)
    System.Diagnostics.Process (4.3) - restriction: || (&& (== net45) (>= netcoreapp1.0)) (&& (== net461) (>= netcoreapp1.0)) (== netcoreapp2.0) (&& (== netstandard2.0) (>= netcoreapp1.0))
      Microsoft.NETCore.Platforms (>= 1.1) - restriction: || (&& (== net45) (>= netstandard1.4)) (&& (== net461) (< net46)) (== netcoreapp2.0) (== netstandard2.0)
      Microsoft.Win32.Primitives (>= 4.3) - restriction: || (&& (== net45) (>= netstandard1.4)) (&& (== net461) (< net46)) (== netcoreapp2.0) (== netstandard2.0)
      Microsoft.Win32.Registry (>= 4.3) - restriction: || (&& (== net45) (>= netstandard1.4)) (&& (== net461) (< net46)) (== netcoreapp2.0) (== netstandard2.0)
      runtime.native.System (>= 4.3) - restriction: || (&& (== net45) (>= netstandard1.4)) (&& (== net461) (< net46)) (== netcoreapp2.0) (== netstandard2.0)
      System.Collections (>= 4.3) - restriction: || (&& (== net45) (>= netstandard1.4)) (&& (== net461) (< net46)) (== netcoreapp2.0) (== netstandard2.0)
      System.Diagnostics.Debug (>= 4.3) - restriction: || (&& (== net45) (>= netstandard1.4)) (&& (== net461) (< net46)) (== netcoreapp2.0) (== netstandard2.0)
      System.Globalization (>= 4.3) - restriction: || (&& (== net45) (>= netstandard1.4)) (&& (== net461) (< net46)) (== netcoreapp2.0) (== netstandard2.0)
      System.IO (>= 4.3) - restriction: || (&& (== net45) (>= netstandard1.3)) (&& (== net45) (>= netstandard1.4)) (&& (== net461) (< net46)) (== netcoreapp2.0) (== netstandard2.0)
      System.IO.FileSystem (>= 4.3) - restriction: || (&& (== net45) (>= netstandard1.4)) (&& (== net461) (< net46)) (== netcoreapp2.0) (== netstandard2.0)
      System.IO.FileSystem.Primitives (>= 4.3) - restriction: || (&& (== net45) (>= netstandard1.4)) (&& (== net461) (< net46)) (== netcoreapp2.0) (== netstandard2.0)
      System.Resources.ResourceManager (>= 4.3) - restriction: || (&& (== net45) (>= netstandard1.4)) (&& (== net461) (< net46)) (== netcoreapp2.0) (== netstandard2.0)
      System.Runtime (>= 4.3) - restriction: || (&& (== net45) (>= netstandard1.3)) (&& (== net45) (>= netstandard1.4)) (&& (== net461) (< net46)) (== netcoreapp2.0) (== netstandard2.0)
      System.Runtime.Extensions (>= 4.3) - restriction: || (&& (== net45) (>= netstandard1.4)) (&& (== net461) (< net46)) (== netcoreapp2.0) (== netstandard2.0)
      System.Runtime.Handles (>= 4.3) - restriction: || (&& (== net45) (>= netstandard1.3)) (&& (== net45) (>= netstandard1.4)) (&& (== net461) (< net46)) (== netcoreapp2.0) (== netstandard2.0)
      System.Runtime.InteropServices (>= 4.3) - restriction: || (&& (== net45) (>= netstandard1.4)) (&& (== net461) (< net46)) (== netcoreapp2.0) (== netstandard2.0)
      System.Text.Encoding (>= 4.3) - restriction: || (&& (== net45) (>= netstandard1.3)) (&& (== net45) (>= netstandard1.4)) (&& (== net461) (< net46)) (== netcoreapp2.0) (== netstandard2.0)
      System.Text.Encoding.Extensions (>= 4.3) - restriction: || (&& (== net45) (>= netstandard1.4)) (&& (== net461) (< net46)) (== netcoreapp2.0) (== netstandard2.0)
      System.Threading (>= 4.3) - restriction: || (&& (== net45) (>= netstandard1.4)) (&& (== net461) (< net46)) (== netcoreapp2.0) (== netstandard2.0)
      System.Threading.Tasks (>= 4.3) - restriction: || (&& (== net45) (>= netstandard1.4)) (&& (== net461) (< net46)) (== netcoreapp2.0) (== netstandard2.0)
      System.Threading.Thread (>= 4.3) - restriction: || (&& (== net45) (>= netstandard1.4)) (&& (== net461) (< net46)) (== netcoreapp2.0) (== netstandard2.0)
      System.Threading.ThreadPool (>= 4.3) - restriction: || (&& (== net45) (>= netstandard1.4)) (&& (== net461) (< net46)) (== netcoreapp2.0) (== netstandard2.0)
    System.Diagnostics.StackTrace (4.3) - restriction: || (&& (== net45) (>= net46)) (&& (== net45) (>= netstandard2.0)) (== net461) (== netcoreapp2.0) (== netstandard2.0)
      System.IO.FileSystem (>= 4.3) - restriction: || (&& (== net45) (>= netstandard1.3)) (&& (== net461) (< net46)) (== netcoreapp2.0) (== netstandard2.0)
      System.Reflection (>= 4.3) - restriction: || (&& (== net45) (>= netstandard1.3)) (&& (== net461) (< net46)) (== netcoreapp2.0) (== netstandard2.0)
      System.Reflection.Metadata (>= 1.4.1) - restriction: || (&& (== net45) (>= netstandard1.3)) (&& (== net461) (< net46)) (== netcoreapp2.0) (== netstandard2.0)
      System.Runtime (>= 4.3) - restriction: || (&& (== net45) (>= netstandard1.3)) (&& (== net461) (< net46)) (== netcoreapp2.0) (== netstandard2.0)
    System.Diagnostics.TextWriterTraceListener (4.3.0) - version_in_path: true, restriction: || (&& (== net45) (>= netcoreapp1.0)) (&& (== net461) (>= netcoreapp1.0)) (== netcoreapp2.0) (&& (== netstandard2.0) (>= netcoreapp1.0))
      System.Diagnostics.TraceSource (>= 4.3) - restriction: || (&& (== net45) (>= net46)) (&& (== net45) (>= netstandard1.3)) (== net461) (== netcoreapp2.0) (== netstandard2.0)
      System.Globalization (>= 4.3) - restriction: || (&& (== net45) (>= netstandard1.3)) (&& (== net461) (< net46)) (== netcoreapp2.0) (== netstandard2.0)
      System.IO (>= 4.3) - restriction: || (&& (== net45) (>= netstandard1.3)) (&& (== net461) (< net46)) (== netcoreapp2.0) (== netstandard2.0)
      System.Resources.ResourceManager (>= 4.3) - restriction: || (&& (== net45) (>= netstandard1.3)) (&& (== net461) (< net46)) (== netcoreapp2.0) (== netstandard2.0)
      System.Runtime (>= 4.3) - restriction: || (&& (== net45) (>= netstandard1.3)) (&& (== net461) (< net46)) (== netcoreapp2.0) (== netstandard2.0)
      System.Threading (>= 4.3) - restriction: || (&& (== net45) (>= netstandard1.3)) (&& (== net461) (< net46)) (== netcoreapp2.0) (== netstandard2.0)
    System.Diagnostics.Tools (4.3) - restriction: || (&& (== net45) (>= net46)) (&& (== net45) (>= netstandard2.0)) (== net461) (== netcoreapp2.0) (== netstandard2.0)
      Microsoft.NETCore.Platforms (>= 1.1) - restriction: || (&& (== net45) (>= dnxcore50)) (&& (== net461) (>= dnxcore50)) (&& (== net461) (< net45)) (== netcoreapp2.0) (== netstandard2.0)
      Microsoft.NETCore.Targets (>= 1.1) - restriction: || (&& (== net45) (>= dnxcore50)) (&& (== net461) (>= dnxcore50)) (&& (== net461) (< net45)) (== netcoreapp2.0) (== netstandard2.0)
      System.Runtime (>= 4.3) - restriction: || (&& (== net45) (>= dnxcore50)) (&& (== net461) (>= dnxcore50)) (&& (== net461) (< net45)) (== netcoreapp2.0) (== netstandard2.0)
    System.Diagnostics.TraceSource (4.3.0) - version_in_path: true, restriction: || (&& (== net45) (>= netcoreapp1.0)) (&& (== net461) (>= netcoreapp1.0)) (== netcoreapp2.0) (&& (== netstandard2.0) (>= netcoreapp1.0))
      Microsoft.NETCore.Platforms (>= 1.1) - restriction: || (&& (== net45) (>= netstandard1.3)) (&& (== net461) (< net46)) (== netcoreapp2.0) (== netstandard2.0)
      runtime.native.System (>= 4.3) - restriction: || (&& (== net45) (>= netstandard1.3)) (&& (== net461) (< net46)) (== netcoreapp2.0) (== netstandard2.0)
      System.Collections (>= 4.3) - restriction: || (&& (== net45) (>= netstandard1.3)) (&& (== net461) (< net46)) (== netcoreapp2.0) (== netstandard2.0)
      System.Diagnostics.Debug (>= 4.3) - restriction: || (&& (== net45) (>= netstandard1.3)) (&& (== net461) (< net46)) (== netcoreapp2.0) (== netstandard2.0)
      System.Globalization (>= 4.3) - restriction: || (&& (== net45) (>= netstandard1.3)) (&& (== net461) (< net46)) (== netcoreapp2.0) (== netstandard2.0)
      System.Resources.ResourceManager (>= 4.3) - restriction: || (&& (== net45) (>= netstandard1.3)) (&& (== net461) (< net46)) (== netcoreapp2.0) (== netstandard2.0)
      System.Runtime (>= 4.3) - restriction: || (&& (== net45) (>= netstandard1.3)) (&& (== net461) (< net46)) (== netcoreapp2.0) (== netstandard2.0)
      System.Runtime.Extensions (>= 4.3) - restriction: || (&& (== net45) (>= netstandard1.3)) (&& (== net461) (< net46)) (== netcoreapp2.0) (== netstandard2.0)
      System.Threading (>= 4.3) - restriction: || (&& (== net45) (>= netstandard1.3)) (&& (== net461) (< net46)) (== netcoreapp2.0) (== netstandard2.0)
    System.Diagnostics.Tracing (4.3) - restriction: || (&& (== net45) (>= dnxcore50) (>= net46)) (&& (== net45) (>= dnxcore50) (>= netstandard2.0)) (&& (== net461) (>= dnxcore50)) (&& (== net461) (< net45)) (== netcoreapp2.0) (== netstandard2.0)
      Microsoft.NETCore.Platforms (>= 1.1) - restriction: || (&& (== net45) (>= dnxcore50)) (&& (== net461) (>= dnxcore50)) (&& (== net461) (< net45)) (== netcoreapp2.0) (== netstandard2.0)
      Microsoft.NETCore.Targets (>= 1.1) - restriction: || (&& (== net45) (>= dnxcore50)) (&& (== net461) (>= dnxcore50)) (&& (== net461) (< net45)) (== netcoreapp2.0) (== netstandard2.0)
      System.Runtime (>= 4.3) - restriction: || (&& (== net45) (>= dnxcore50)) (&& (== net461) (>= dnxcore50)) (&& (== net461) (< net45)) (== netcoreapp2.0) (== netstandard2.0)
    System.Dynamic.Runtime (4.3) - restriction: || (&& (== net45) (>= net46)) (&& (== net45) (>= netcoreapp1.0)) (&& (== net45) (>= netstandard2.0)) (== net461) (== netcoreapp2.0) (== netstandard2.0)
      System.Collections (>= 4.3) - restriction: || (&& (== net45) (>= dnxcore50)) (&& (== net461) (>= dnxcore50)) (&& (== net461) (< net45)) (== netcoreapp2.0) (== netstandard2.0)
      System.Diagnostics.Debug (>= 4.3) - restriction: || (&& (== net45) (>= dnxcore50)) (&& (== net461) (>= dnxcore50)) (&& (== net461) (< net45)) (== netcoreapp2.0) (== netstandard2.0)
      System.Linq (>= 4.3) - restriction: || (&& (== net45) (>= dnxcore50)) (&& (== net461) (>= dnxcore50)) (&& (== net461) (< net45)) (== netcoreapp2.0) (== netstandard2.0)
      System.Linq.Expressions (>= 4.3) - restriction: || (&& (== net45) (>= dnxcore50)) (&& (== net461) (>= dnxcore50)) (&& (== net461) (< net45)) (== netcoreapp2.0) (== netstandard2.0)
      System.ObjectModel (>= 4.3) - restriction: || (&& (== net45) (>= dnxcore50)) (&& (== net461) (>= dnxcore50)) (&& (== net461) (< net45)) (== netcoreapp2.0) (== netstandard2.0)
      System.Reflection (>= 4.3) - restriction: || (&& (== net45) (>= dnxcore50)) (&& (== net461) (>= dnxcore50)) (&& (== net461) (< net45)) (== netcoreapp2.0) (== netstandard2.0)
      System.Reflection.Emit (>= 4.3) - restriction: || (&& (== net461) (< net45)) (== netcoreapp2.0) (== netstandard2.0)
      System.Reflection.Emit.ILGeneration (>= 4.3) - restriction: || (&& (== net461) (< net45)) (== netcoreapp2.0) (== netstandard2.0)
      System.Reflection.Primitives (>= 4.3) - restriction: || (&& (== net461) (< net45)) (== netcoreapp2.0) (== netstandard2.0)
      System.Reflection.TypeExtensions (>= 4.3) - restriction: || (&& (== net45) (>= dnxcore50)) (&& (== net461) (>= dnxcore50)) (&& (== net461) (< net45)) (== netcoreapp2.0) (== netstandard2.0)
      System.Resources.ResourceManager (>= 4.3) - restriction: || (&& (== net45) (>= dnxcore50)) (&& (== net461) (>= dnxcore50)) (&& (== net461) (< net45)) (== netcoreapp2.0) (== netstandard2.0)
      System.Runtime (>= 4.3) - restriction: || (&& (== net45) (>= dnxcore50)) (&& (== net461) (>= dnxcore50)) (&& (== net461) (< net45)) (== netcoreapp2.0) (== netstandard2.0)
      System.Runtime.Extensions (>= 4.3) - restriction: || (&& (== net45) (>= dnxcore50)) (&& (== net461) (>= dnxcore50)) (&& (== net461) (< net45)) (== netcoreapp2.0) (== netstandard2.0)
      System.Threading (>= 4.3) - restriction: || (&& (== net45) (>= dnxcore50)) (&& (== net461) (>= dnxcore50)) (&& (== net461) (< net45)) (== netcoreapp2.0) (== netstandard2.0)
    System.Globalization (4.3) - restriction: || (&& (== net45) (>= net46)) (&& (== net45) (>= netcoreapp1.0)) (&& (== net45) (>= netstandard2.0)) (== net461) (== netcoreapp2.0) (== netstandard2.0)
      Microsoft.NETCore.Platforms (>= 1.1) - restriction: || (&& (== net45) (>= dnxcore50)) (&& (== net461) (>= dnxcore50)) (&& (== net461) (< net45)) (== netcoreapp2.0) (== netstandard2.0)
      Microsoft.NETCore.Targets (>= 1.1) - restriction: || (&& (== net45) (>= dnxcore50)) (&& (== net461) (>= dnxcore50)) (&& (== net461) (< net45)) (== netcoreapp2.0) (== netstandard2.0)
      System.Runtime (>= 4.3) - restriction: || (&& (== net45) (>= dnxcore50)) (&& (== net461) (>= dnxcore50)) (&& (== net461) (< net45)) (== netcoreapp2.0) (== netstandard2.0)
    System.Globalization.Calendars (4.3) - restriction: || (&& (== net45) (== net461) (>= netstandard1.6)) (&& (== net45) (>= dnxcore50) (>= net46)) (&& (== net45) (>= net46) (>= netstandard1.6)) (&& (== net45) (>= netstandard2.0)) (&& (== net461) (>= dnxcore50)) (&& (== net461) (< net46) (>= netstandard1.6)) (== netcoreapp2.0) (== netstandard2.0)
      Microsoft.NETCore.Platforms (>= 1.1) - restriction: || (&& (== net45) (>= netstandard1.3)) (&& (== net461) (< net46)) (== netcoreapp2.0) (== netstandard2.0)
      Microsoft.NETCore.Targets (>= 1.1) - restriction: || (&& (== net45) (>= netstandard1.3)) (&& (== net461) (< net46)) (== netcoreapp2.0) (== netstandard2.0)
      System.Globalization (>= 4.3) - restriction: || (&& (== net45) (>= netstandard1.3)) (&& (== net461) (< net46)) (== netcoreapp2.0) (== netstandard2.0)
      System.Runtime (>= 4.3) - restriction: || (&& (== net45) (>= netstandard1.3)) (&& (== net461) (< net46)) (== netcoreapp2.0) (== netstandard2.0)
    System.Globalization.Extensions (4.3.0) - version_in_path: true, restriction: || (&& (== net45) (>= netcoreapp1.0)) (&& (== net461) (>= netcoreapp1.0)) (== netcoreapp2.0) (&& (== netstandard2.0) (>= netcoreapp1.0))
      Microsoft.NETCore.Platforms (>= 1.1) - restriction: || (&& (== net45) (>= netstandard1.3)) (&& (== net461) (< net46)) (== netcoreapp2.0) (== netstandard2.0)
      System.Globalization (>= 4.3) - restriction: || (&& (== net45) (>= netstandard1.3)) (&& (== net461) (< net46)) (== netcoreapp2.0) (== netstandard2.0)
      System.Resources.ResourceManager (>= 4.3) - restriction: || (&& (== net45) (>= netstandard1.3)) (&& (== net461) (< net46)) (== netcoreapp2.0) (== netstandard2.0)
      System.Runtime (>= 4.3) - restriction: || (&& (== net45) (>= netstandard1.3)) (&& (== net461) (< net46)) (== netcoreapp2.0) (== netstandard2.0)
      System.Runtime.Extensions (>= 4.3) - restriction: || (&& (== net45) (>= netstandard1.3)) (&& (== net461) (< net46)) (== netcoreapp2.0) (== netstandard2.0)
      System.Runtime.InteropServices (>= 4.3) - restriction: || (&& (== net45) (>= netstandard1.3)) (&& (== net461) (< net46)) (== netcoreapp2.0) (== netstandard2.0)
    System.IO (4.3) - restriction: || (&& (== net45) (== net461)) (&& (== net45) (>= net46)) (&& (== net45) (>= netcoreapp1.0)) (&& (== net45) (>= netstandard2.0)) (&& (== net461) (>= dnxcore50)) (&& (== net461) (< net45)) (&& (== net461) (< net46)) (&& (== net461) (>= netcoreapp1.0)) (== netcoreapp2.0) (== netstandard2.0)
      Microsoft.NETCore.Platforms (>= 1.1) - restriction: || (&& (== net45) (>= dnxcore50)) (&& (== net461) (>= dnxcore50)) (&& (== net461) (< net45)) (== netcoreapp2.0) (== netstandard2.0)
      Microsoft.NETCore.Targets (>= 1.1) - restriction: || (&& (== net45) (>= dnxcore50)) (&& (== net461) (>= dnxcore50)) (&& (== net461) (< net45)) (== netcoreapp2.0) (== netstandard2.0)
      System.Runtime (>= 4.3) - restriction: || (&& (== net45) (>= dnxcore50)) (&& (== net461) (>= dnxcore50)) (&& (== net461) (< net45)) (== netcoreapp2.0) (== netstandard2.0)
      System.Text.Encoding (>= 4.3) - restriction: || (&& (== net45) (>= dnxcore50)) (&& (== net461) (>= dnxcore50)) (&& (== net461) (< net45)) (== netcoreapp2.0) (== netstandard2.0)
      System.Threading.Tasks (>= 4.3) - restriction: || (&& (== net45) (>= dnxcore50)) (&& (== net461) (>= dnxcore50)) (&& (== net461) (< net45)) (== netcoreapp2.0) (== netstandard2.0)
    System.IO.Compression (4.3) - restriction: || (&& (== net45) (>= net46)) (&& (== net45) (>= netstandard2.0)) (== net461) (== netcoreapp2.0) (== netstandard2.0)
      Microsoft.NETCore.Platforms (>= 1.1) - restriction: || (&& (== net461) (< net45)) (== netcoreapp2.0) (== netstandard2.0)
      runtime.native.System (>= 4.3) - restriction: || (&& (== net461) (< net45)) (== netcoreapp2.0) (== netstandard2.0)
      runtime.native.System.IO.Compression (>= 4.3) - restriction: || (&& (== net45) (>= dnxcore50)) (&& (== net461) (>= dnxcore50)) (&& (== net461) (< net45)) (== netcoreapp2.0) (== netstandard2.0)
      System.Buffers (>= 4.3) - restriction: || (&& (== net45) (>= dnxcore50)) (&& (== net461) (>= dnxcore50)) (&& (== net461) (< net45)) (== netcoreapp2.0) (== netstandard2.0)
      System.Collections (>= 4.3) - restriction: || (&& (== net45) (>= dnxcore50)) (&& (== net461) (>= dnxcore50)) (&& (== net461) (< net45)) (== netcoreapp2.0) (== netstandard2.0)
      System.Diagnostics.Debug (>= 4.3) - restriction: || (&& (== net45) (>= dnxcore50)) (&& (== net461) (>= dnxcore50)) (&& (== net461) (< net45)) (== netcoreapp2.0) (== netstandard2.0)
      System.IO (>= 4.3) - restriction: || (&& (== net45) (>= dnxcore50)) (&& (== net461) (>= dnxcore50)) (&& (== net461) (< net45)) (== netcoreapp2.0) (== netstandard2.0)
      System.Resources.ResourceManager (>= 4.3) - restriction: || (&& (== net45) (>= dnxcore50)) (&& (== net461) (>= dnxcore50)) (&& (== net461) (< net45)) (== netcoreapp2.0) (== netstandard2.0)
      System.Runtime (>= 4.3) - restriction: || (&& (== net45) (>= dnxcore50)) (&& (== net461) (>= dnxcore50)) (&& (== net461) (< net45)) (== netcoreapp2.0) (== netstandard2.0)
      System.Runtime.Extensions (>= 4.3) - restriction: || (&& (== net45) (>= dnxcore50)) (&& (== net461) (>= dnxcore50)) (&& (== net461) (< net45)) (== netcoreapp2.0) (== netstandard2.0)
      System.Runtime.Handles (>= 4.3) - restriction: || (&& (== net45) (>= dnxcore50)) (&& (== net461) (>= dnxcore50)) (&& (== net461) (< net45)) (== netcoreapp2.0) (== netstandard2.0)
      System.Runtime.InteropServices (>= 4.3) - restriction: || (&& (== net45) (>= dnxcore50)) (&& (== net461) (>= dnxcore50)) (&& (== net461) (< net45)) (== netcoreapp2.0) (== netstandard2.0)
      System.Text.Encoding (>= 4.3) - restriction: || (&& (== net45) (>= dnxcore50)) (&& (== net461) (>= dnxcore50)) (&& (== net461) (< net45)) (== netcoreapp2.0) (== netstandard2.0)
      System.Threading (>= 4.3) - restriction: || (&& (== net45) (>= dnxcore50)) (&& (== net461) (>= dnxcore50)) (&& (== net461) (< net45)) (== netcoreapp2.0) (== netstandard2.0)
      System.Threading.Tasks (>= 4.3) - restriction: || (&& (== net45) (>= dnxcore50)) (&& (== net461) (>= dnxcore50)) (&& (== net461) (< net45)) (== netcoreapp2.0) (== netstandard2.0)
    System.IO.FileSystem (4.3) - restriction: || (&& (== net45) (>= net46)) (&& (== net45) (>= netcoreapp1.0)) (&& (== net45) (>= netstandard2.0)) (== net461) (== netcoreapp2.0) (== netstandard2.0)
      Microsoft.NETCore.Platforms (>= 1.1) - restriction: || (&& (== net45) (>= netstandard1.3)) (&& (== net461) (< net46)) (== netcoreapp2.0) (== netstandard2.0)
      Microsoft.NETCore.Targets (>= 1.1) - restriction: || (&& (== net45) (>= netstandard1.3)) (&& (== net461) (< net46)) (== netcoreapp2.0) (== netstandard2.0)
      System.IO (>= 4.3) - restriction: || (&& (== net45) (>= netstandard1.3)) (&& (== net461) (< net46)) (== netcoreapp2.0) (== netstandard2.0)
      System.IO.FileSystem.Primitives (>= 4.3) - restriction: || (&& (== net45) (>= net46)) (&& (== net45) (>= netstandard1.3)) (== net461) (== netcoreapp2.0) (== netstandard2.0)
      System.Runtime (>= 4.3) - restriction: || (&& (== net45) (>= netstandard1.3)) (&& (== net461) (< net46)) (== netcoreapp2.0) (== netstandard2.0)
      System.Runtime.Handles (>= 4.3) - restriction: || (&& (== net45) (>= netstandard1.3)) (&& (== net461) (< net46)) (== netcoreapp2.0) (== netstandard2.0)
      System.Text.Encoding (>= 4.3) - restriction: || (&& (== net45) (>= netstandard1.3)) (&& (== net461) (< net46)) (== netcoreapp2.0) (== netstandard2.0)
      System.Threading.Tasks (>= 4.3) - restriction: || (&& (== net45) (>= netstandard1.3)) (&& (== net461) (< net46)) (== netcoreapp2.0) (== netstandard2.0)
    System.IO.FileSystem.Primitives (4.3) - restriction: || (&& (== net45) (>= net46)) (&& (== net45) (>= netcoreapp1.0)) (&& (== net45) (>= netstandard2.0)) (== net461) (== netcoreapp2.0) (== netstandard2.0)
      System.Runtime (>= 4.3) - restriction: || (&& (== net45) (>= netstandard1.3)) (&& (== net461) (< net46)) (== netcoreapp2.0) (== netstandard2.0)
    System.Linq (4.3) - restriction: || (&& (== net45) (>= net46)) (&& (== net45) (>= netcoreapp1.0)) (&& (== net45) (>= netstandard2.0)) (== net461) (== netcoreapp2.0) (== netstandard2.0)
      System.Collections (>= 4.3) - restriction: || (&& (== net45) (>= dnxcore50)) (&& (== net461) (>= dnxcore50)) (&& (== net461) (< net45)) (== netcoreapp2.0) (== netstandard2.0)
      System.Diagnostics.Debug (>= 4.3) - restriction: || (&& (== net45) (>= dnxcore50)) (&& (== net461) (>= dnxcore50)) (&& (== net461) (< net45) (>= netstandard1.6)) (== netcoreapp2.0) (== netstandard2.0)
      System.Resources.ResourceManager (>= 4.3) - restriction: || (&& (== net45) (>= dnxcore50)) (&& (== net461) (>= dnxcore50)) (&& (== net461) (< net45) (>= netstandard1.6)) (== netcoreapp2.0) (== netstandard2.0)
      System.Runtime (>= 4.3) - restriction: || (&& (== net45) (>= dnxcore50)) (&& (== net461) (>= dnxcore50)) (&& (== net461) (< net45)) (== netcoreapp2.0) (== netstandard2.0)
      System.Runtime.Extensions (>= 4.3) - restriction: || (&& (== net45) (>= dnxcore50)) (&& (== net461) (>= dnxcore50)) (&& (== net461) (< net45) (>= netstandard1.6)) (== netcoreapp2.0) (== netstandard2.0)
    System.Linq.Expressions (4.3) - restriction: || (&& (== net45) (>= net46)) (&& (== net45) (>= netcoreapp1.0)) (&& (== net45) (>= netstandard2.0)) (== net461) (== netcoreapp2.0) (== netstandard2.0)
      System.Collections (>= 4.3) - restriction: || (&& (== net45) (>= dnxcore50)) (&& (== net461) (>= dnxcore50)) (&& (== net461) (< net45) (>= netstandard1.6)) (== netcoreapp2.0) (== netstandard2.0)
      System.Diagnostics.Debug (>= 4.3) - restriction: || (&& (== net45) (>= dnxcore50)) (&& (== net461) (>= dnxcore50)) (&& (== net461) (< net45) (>= netstandard1.6)) (== netcoreapp2.0) (== netstandard2.0)
      System.Globalization (>= 4.3) - restriction: || (&& (== net45) (>= dnxcore50)) (&& (== net461) (>= dnxcore50)) (&& (== net461) (< net45) (>= netstandard1.6)) (== netcoreapp2.0) (== netstandard2.0)
      System.IO (>= 4.3) - restriction: || (&& (== net45) (>= dnxcore50)) (&& (== net461) (>= dnxcore50)) (&& (== net461) (< net45) (>= netstandard1.6)) (== netcoreapp2.0) (== netstandard2.0)
      System.Linq (>= 4.3) - restriction: || (&& (== net45) (>= dnxcore50)) (&& (== net461) (>= dnxcore50)) (&& (== net461) (< net45) (>= netstandard1.6)) (== netcoreapp2.0) (== netstandard2.0)
      System.ObjectModel (>= 4.3) - restriction: || (&& (== net461) (< net45) (>= netstandard1.6)) (== netcoreapp2.0) (== netstandard2.0)
      System.Reflection (>= 4.3) - restriction: || (&& (== net45) (>= dnxcore50)) (&& (== net461) (>= dnxcore50)) (&& (== net461) (< net45)) (== netcoreapp2.0) (== netstandard2.0)
      System.Reflection.Emit (>= 4.3) - restriction: || (&& (== net461) (< net45) (>= netstandard1.6)) (== netcoreapp2.0) (== netstandard2.0)
      System.Reflection.Emit.ILGeneration (>= 4.3) - restriction: || (&& (== net45) (>= dnxcore50)) (&& (== net461) (>= dnxcore50)) (&& (== net461) (< net45) (>= netstandard1.6)) (== netcoreapp2.0) (== netstandard2.0)
      System.Reflection.Emit.Lightweight (>= 4.3) - restriction: || (&& (== net45) (>= dnxcore50)) (&& (== net461) (>= dnxcore50)) (&& (== net461) (< net45) (>= netstandard1.6)) (== netcoreapp2.0) (== netstandard2.0)
      System.Reflection.Extensions (>= 4.3) - restriction: || (&& (== net45) (>= dnxcore50)) (&& (== net461) (>= dnxcore50)) (&& (== net461) (< net45) (>= netstandard1.6)) (== netcoreapp2.0) (== netstandard2.0)
      System.Reflection.Primitives (>= 4.3) - restriction: || (&& (== net45) (>= dnxcore50)) (&& (== net461) (>= dnxcore50)) (&& (== net461) (< net45) (>= netstandard1.6)) (== netcoreapp2.0) (== netstandard2.0)
      System.Reflection.TypeExtensions (>= 4.3) - restriction: || (&& (== net45) (>= dnxcore50)) (&& (== net461) (>= dnxcore50)) (&& (== net461) (< net45) (>= netstandard1.6)) (== netcoreapp2.0) (== netstandard2.0)
      System.Resources.ResourceManager (>= 4.3) - restriction: || (&& (== net45) (>= dnxcore50)) (&& (== net461) (>= dnxcore50)) (&& (== net461) (< net45) (>= netstandard1.6)) (== netcoreapp2.0) (== netstandard2.0)
      System.Runtime (>= 4.3) - restriction: || (&& (== net45) (>= dnxcore50)) (&& (== net461) (>= dnxcore50)) (&& (== net461) (< net45)) (== netcoreapp2.0) (== netstandard2.0)
      System.Runtime.Extensions (>= 4.3) - restriction: || (&& (== net45) (>= dnxcore50)) (&& (== net461) (>= dnxcore50)) (&& (== net461) (< net45) (>= netstandard1.6)) (== netcoreapp2.0) (== netstandard2.0)
      System.Threading (>= 4.3) - restriction: || (&& (== net45) (>= dnxcore50)) (&& (== net461) (>= dnxcore50)) (&& (== net461) (< net45) (>= netstandard1.6)) (== netcoreapp2.0) (== netstandard2.0)
    System.Management (4.5) - restriction: || (&& (== net45) (>= net46)) (&& (== net45) (>= netstandard2.0)) (== net461) (== netcoreapp2.0) (== netstandard2.0)
      Microsoft.NETCore.Platforms (>= 2.0) - restriction: || (&& (== net45) (>= netcoreapp2.0)) (&& (== net461) (>= netcoreapp2.0)) (== netcoreapp2.0) (&& (== netstandard2.0) (>= netcoreapp2.0))
      Microsoft.Win32.Registry (>= 4.5) - restriction: || (&& (== net45) (>= netcoreapp2.0)) (&& (== net461) (>= netcoreapp2.0)) (== netcoreapp2.0) (&& (== netstandard2.0) (>= netcoreapp2.0))
      System.CodeDom (>= 4.5) - restriction: || (&& (== net45) (>= netcoreapp2.0)) (&& (== net461) (< net45) (>= netstandard2.0)) (&& (== net461) (>= netcoreapp2.0)) (== netcoreapp2.0) (== netstandard2.0)
    System.Memory (4.5.1) - restriction: || (&& (== net45) (>= net46) (>= uap10.1)) (&& (== net45) (>= netcoreapp2.0)) (&& (== net45) (>= netstandard2.0)) (&& (== net461) (< net46) (>= netstandard2.0)) (&& (== net461) (>= netcoreapp2.0)) (&& (== net461) (>= uap10.1)) (== netcoreapp2.0) (== netstandard2.0)
      System.Buffers (>= 4.4) - restriction: || (== net45) (== net461) (&& (== netcoreapp2.0) (>= monotouch)) (&& (== netcoreapp2.0) (>= net461)) (&& (== netcoreapp2.0) (< netstandard1.1)) (&& (== netcoreapp2.0) (< netstandard2.0)) (&& (== netcoreapp2.0) (>= xamarinios)) (&& (== netcoreapp2.0) (>= xamarinmac)) (&& (== netcoreapp2.0) (>= xamarintvos)) (&& (== netcoreapp2.0) (>= xamarinwatchos)) (== netstandard2.0)
      System.Numerics.Vectors (>= 4.4) - restriction: || (&& (== net45) (>= net461)) (== net461) (&& (== netcoreapp2.0) (>= net461)) (== netstandard2.0)
      System.Runtime.CompilerServices.Unsafe (>= 4.5)
    System.Numerics.Vectors (4.5) - restriction: || (&& (== net45) (== net461) (>= netstandard2.0)) (&& (== net45) (== netcoreapp2.0)) (&& (== net45) (>= net46) (>= netstandard2.0) (>= uap10.1)) (&& (== net45) (>= net461) (>= netstandard2.0)) (&& (== net45) (>= net461) (>= uap10.1)) (&& (== net45) (>= netcoreapp2.0)) (&& (== net461) (== netcoreapp2.0)) (&& (== net461) (< net45) (>= netstandard2.0)) (&& (== net461) (< net46) (>= netstandard2.0)) (&& (== net461) (>= netcoreapp2.0)) (&& (== net461) (>= uap10.1)) (&& (== netcoreapp2.0) (>= net461)) (== netstandard2.0)
    System.ObjectModel (4.3) - restriction: || (&& (== net45) (>= netcoreapp1.0)) (&& (== net461) (< net45) (>= netstandard1.6)) (&& (== net461) (>= netcoreapp1.0)) (== netcoreapp2.0) (== netstandard2.0)
      System.Collections (>= 4.3) - restriction: || (&& (== net45) (>= dnxcore50)) (&& (== net461) (>= dnxcore50)) (&& (== net461) (< net45)) (== netcoreapp2.0) (== netstandard2.0)
      System.Diagnostics.Debug (>= 4.3) - restriction: || (&& (== net45) (>= dnxcore50)) (&& (== net461) (>= dnxcore50)) (&& (== net461) (< net45)) (== netcoreapp2.0) (== netstandard2.0)
      System.Resources.ResourceManager (>= 4.3) - restriction: || (&& (== net45) (>= dnxcore50)) (&& (== net461) (>= dnxcore50)) (&& (== net461) (< net45)) (== netcoreapp2.0) (== netstandard2.0)
      System.Runtime (>= 4.3) - restriction: || (&& (== net45) (>= dnxcore50)) (&& (== net461) (>= dnxcore50)) (&& (== net461) (< net45)) (== netcoreapp2.0) (== netstandard2.0)
      System.Threading (>= 4.3) - restriction: || (&& (== net45) (>= dnxcore50)) (&& (== net461) (>= dnxcore50)) (&& (== net461) (< net45)) (== netcoreapp2.0) (== netstandard2.0)
    System.Private.DataContractSerialization (4.3.0) - version_in_path: true, restriction: || (&& (== net45) (>= netcoreapp1.0)) (&& (== net461) (>= netcoreapp1.0)) (== netcoreapp2.0) (&& (== netstandard2.0) (>= netcoreapp1.0))
      System.Collections (>= 4.3) - restriction: || (&& (== net45) (>= dnxcore50)) (&& (== net45) (>= netstandard1.3)) (&& (== net461) (>= dnxcore50)) (&& (== net461) (< net46)) (== netcoreapp2.0) (== netstandard2.0)
      System.Collections.Concurrent (>= 4.3) - restriction: || (&& (== net45) (>= dnxcore50)) (&& (== net45) (>= netstandard1.3)) (&& (== net461) (>= dnxcore50)) (&& (== net461) (< net46)) (== netcoreapp2.0) (== netstandard2.0)
      System.Diagnostics.Debug (>= 4.3) - restriction: || (&& (== net45) (>= dnxcore50)) (&& (== net45) (>= netstandard1.3)) (&& (== net461) (>= dnxcore50)) (&& (== net461) (< net46)) (== netcoreapp2.0) (== netstandard2.0)
      System.Globalization (>= 4.3) - restriction: || (&& (== net45) (>= dnxcore50)) (&& (== net45) (>= netstandard1.3)) (&& (== net461) (>= dnxcore50)) (&& (== net461) (< net46)) (== netcoreapp2.0) (== netstandard2.0)
      System.IO (>= 4.3) - restriction: || (&& (== net45) (>= dnxcore50)) (&& (== net45) (>= netstandard1.3)) (&& (== net461) (>= dnxcore50)) (&& (== net461) (< net46)) (== netcoreapp2.0) (== netstandard2.0)
      System.Linq (>= 4.3) - restriction: || (&& (== net45) (>= dnxcore50)) (&& (== net45) (>= netstandard1.3)) (&& (== net461) (>= dnxcore50)) (&& (== net461) (< net46)) (== netcoreapp2.0) (== netstandard2.0)
      System.Reflection (>= 4.3) - restriction: || (&& (== net45) (>= dnxcore50)) (&& (== net45) (>= netstandard1.3)) (&& (== net461) (>= dnxcore50)) (&& (== net461) (< net46)) (== netcoreapp2.0) (== netstandard2.0)
      System.Reflection.Emit.ILGeneration (>= 4.3) - restriction: || (&& (== net45) (>= netstandard1.3)) (&& (== net461) (< net46)) (== netcoreapp2.0) (== netstandard2.0)
      System.Reflection.Emit.Lightweight (>= 4.3) - restriction: || (&& (== net45) (>= netstandard1.3)) (&& (== net461) (< net46)) (== netcoreapp2.0) (== netstandard2.0)
      System.Reflection.Extensions (>= 4.3) - restriction: || (&& (== net45) (>= dnxcore50)) (&& (== net45) (>= netstandard1.3)) (&& (== net461) (>= dnxcore50)) (&& (== net461) (< net46)) (== netcoreapp2.0) (== netstandard2.0)
      System.Reflection.Primitives (>= 4.3) - restriction: || (&& (== net45) (>= dnxcore50)) (&& (== net45) (>= netstandard1.3)) (&& (== net461) (>= dnxcore50)) (&& (== net461) (< net46)) (== netcoreapp2.0) (== netstandard2.0)
      System.Reflection.TypeExtensions (>= 4.3) - restriction: || (&& (== net45) (>= dnxcore50)) (&& (== net45) (>= net46)) (&& (== net45) (>= netstandard1.3)) (== net461) (== netcoreapp2.0) (== netstandard2.0)
      System.Resources.ResourceManager (>= 4.3) - restriction: || (&& (== net45) (>= dnxcore50)) (&& (== net45) (>= netstandard1.3)) (&& (== net461) (>= dnxcore50)) (&& (== net461) (< net46)) (== netcoreapp2.0) (== netstandard2.0)
      System.Runtime (>= 4.3) - restriction: || (&& (== net45) (>= dnxcore50)) (&& (== net45) (>= netstandard1.3)) (&& (== net461) (>= dnxcore50)) (&& (== net461) (< net46)) (== netcoreapp2.0) (== netstandard2.0)
      System.Runtime.Extensions (>= 4.3) - restriction: || (&& (== net45) (>= dnxcore50)) (&& (== net45) (>= netstandard1.3)) (&& (== net461) (>= dnxcore50)) (&& (== net461) (< net46)) (== netcoreapp2.0) (== netstandard2.0)
      System.Runtime.Serialization.Primitives (>= 4.3) - restriction: || (&& (== net45) (>= dnxcore50)) (&& (== net45) (>= net46)) (&& (== net45) (>= netstandard1.3)) (== net461) (== netcoreapp2.0) (== netstandard2.0)
      System.Text.Encoding (>= 4.3) - restriction: || (&& (== net45) (>= dnxcore50)) (&& (== net45) (>= netstandard1.3)) (&& (== net461) (>= dnxcore50)) (&& (== net461) (< net46)) (== netcoreapp2.0) (== netstandard2.0)
      System.Text.Encoding.Extensions (>= 4.3) - restriction: || (&& (== net45) (>= dnxcore50)) (&& (== net45) (>= netstandard1.3)) (&& (== net461) (>= dnxcore50)) (&& (== net461) (< net46)) (== netcoreapp2.0) (== netstandard2.0)
      System.Text.RegularExpressions (>= 4.3) - restriction: || (&& (== net45) (>= dnxcore50)) (&& (== net45) (>= netstandard1.3)) (&& (== net461) (>= dnxcore50)) (&& (== net461) (< net46)) (== netcoreapp2.0) (== netstandard2.0)
      System.Threading (>= 4.3) - restriction: || (&& (== net45) (>= dnxcore50)) (&& (== net45) (>= netstandard1.3)) (&& (== net461) (>= dnxcore50)) (&& (== net461) (< net46)) (== netcoreapp2.0) (== netstandard2.0)
      System.Threading.Tasks (>= 4.3) - restriction: || (&& (== net45) (>= dnxcore50)) (&& (== net45) (>= netstandard1.3)) (&& (== net461) (>= dnxcore50)) (&& (== net461) (< net46)) (== netcoreapp2.0) (== netstandard2.0)
      System.Xml.ReaderWriter (>= 4.3) - restriction: || (&& (== net45) (>= dnxcore50)) (&& (== net45) (>= netstandard1.3)) (&& (== net461) (>= dnxcore50)) (&& (== net461) (< net46)) (== netcoreapp2.0) (== netstandard2.0)
      System.Xml.XDocument (>= 4.3) - restriction: || (&& (== net45) (>= dnxcore50)) (&& (== net45) (>= netstandard1.3)) (&& (== net461) (>= dnxcore50)) (&& (== net461) (< net46)) (== netcoreapp2.0) (== netstandard2.0)
      System.Xml.XmlDocument (>= 4.3) - restriction: || (&& (== net45) (>= dnxcore50)) (&& (== net45) (>= net46)) (&& (== net45) (>= netstandard1.3)) (== net461) (== netcoreapp2.0) (== netstandard2.0)
      System.Xml.XmlSerializer (>= 4.3) - restriction: || (&& (== net45) (>= dnxcore50)) (&& (== net45) (>= netstandard1.3)) (&& (== net461) (>= dnxcore50)) (&& (== net461) (< net46)) (== netcoreapp2.0) (== netstandard2.0)
    System.Reflection (4.3) - restriction: || (&& (== net45) (>= net46)) (&& (== net45) (>= netcoreapp1.0)) (&& (== net45) (>= netstandard2.0)) (== net461) (== netcoreapp2.0) (== netstandard2.0)
      Microsoft.NETCore.Platforms (>= 1.1) - restriction: || (&& (== net45) (>= dnxcore50)) (&& (== net461) (>= dnxcore50)) (&& (== net461) (< net45)) (== netcoreapp2.0) (== netstandard2.0)
      Microsoft.NETCore.Targets (>= 1.1) - restriction: || (&& (== net45) (>= dnxcore50)) (&& (== net461) (>= dnxcore50)) (&& (== net461) (< net45)) (== netcoreapp2.0) (== netstandard2.0)
      System.IO (>= 4.3) - restriction: || (&& (== net45) (>= dnxcore50)) (&& (== net461) (>= dnxcore50)) (&& (== net461) (< net45)) (== netcoreapp2.0) (== netstandard2.0)
      System.Reflection.Primitives (>= 4.3) - restriction: || (&& (== net45) (>= dnxcore50)) (&& (== net461) (>= dnxcore50)) (&& (== net461) (< net45)) (== netcoreapp2.0) (== netstandard2.0)
      System.Runtime (>= 4.3) - restriction: || (&& (== net45) (>= dnxcore50)) (&& (== net461) (>= dnxcore50)) (&& (== net461) (< net45)) (== netcoreapp2.0) (== netstandard2.0)
    System.Reflection.Emit (4.3) - restriction: || (&& (== net45) (>= dnxcore50) (>= net46)) (&& (== net45) (>= dnxcore50) (>= netstandard2.0)) (&& (== net45) (>= netcoreapp1.0)) (&& (== net461) (>= dnxcore50)) (&& (== net461) (< net45)) (&& (== net461) (>= netcoreapp1.0)) (== netcoreapp2.0) (== netstandard2.0)
      System.IO (>= 4.3) - restriction: || (&& (== net461) (< net45)) (== netcoreapp2.0) (== netstandard2.0)
      System.Reflection (>= 4.3) - restriction: || (&& (== net461) (< net45)) (== netcoreapp2.0) (== netstandard2.0)
      System.Reflection.Emit.ILGeneration (>= 4.3) - restriction: || (&& (== net461) (< net45)) (== netcoreapp2.0) (== netstandard2.0)
      System.Reflection.Primitives (>= 4.3) - restriction: || (&& (== net461) (< net45)) (== netcoreapp2.0) (== netstandard2.0)
      System.Runtime (>= 4.3) - restriction: || (&& (== net461) (< net45)) (== netcoreapp2.0) (== netstandard2.0)
    System.Reflection.Emit.ILGeneration (4.3) - restriction: || (&& (== net45) (>= dnxcore50) (>= net46)) (&& (== net45) (>= dnxcore50) (>= netstandard2.0)) (&& (== net45) (>= netcoreapp1.0)) (&& (== net461) (>= dnxcore50)) (&& (== net461) (< net45)) (&& (== net461) (>= netcoreapp1.0)) (== netcoreapp2.0) (== netstandard2.0)
      System.Reflection (>= 4.3) - restriction: || (&& (== net461) (< net45)) (== netcoreapp2.0) (== netstandard2.0)
      System.Reflection.Primitives (>= 4.3) - restriction: || (&& (== net461) (< net45)) (== netcoreapp2.0) (== netstandard2.0)
      System.Runtime (>= 4.3) - restriction: || (&& (== net461) (< net45)) (== netcoreapp2.0) (== netstandard2.0)
    System.Reflection.Emit.Lightweight (4.3)
      System.Reflection (>= 4.3) - restriction: || (&& (== net461) (< net45)) (== netcoreapp2.0) (== netstandard2.0)
      System.Reflection.Emit.ILGeneration (>= 4.3) - restriction: || (&& (== net461) (< net45)) (== netcoreapp2.0) (== netstandard2.0)
      System.Reflection.Primitives (>= 4.3) - restriction: || (&& (== net461) (< net45)) (== netcoreapp2.0) (== netstandard2.0)
      System.Runtime (>= 4.3) - restriction: || (&& (== net461) (< net45)) (== netcoreapp2.0) (== netstandard2.0)
    System.Reflection.Extensions (4.3) - restriction: || (&& (== net45) (>= dnxcore50) (>= net46)) (&& (== net45) (>= dnxcore50) (>= netstandard2.0)) (&& (== net45) (>= netcoreapp1.0)) (&& (== net461) (>= dnxcore50)) (&& (== net461) (< net45)) (&& (== net461) (>= netcoreapp1.0)) (== netcoreapp2.0) (== netstandard2.0)
      Microsoft.NETCore.Platforms (>= 1.1) - restriction: || (&& (== net45) (>= dnxcore50)) (&& (== net461) (>= dnxcore50)) (&& (== net461) (< net45)) (== netcoreapp2.0) (== netstandard2.0)
      Microsoft.NETCore.Targets (>= 1.1) - restriction: || (&& (== net45) (>= dnxcore50)) (&& (== net461) (>= dnxcore50)) (&& (== net461) (< net45)) (== netcoreapp2.0) (== netstandard2.0)
      System.Reflection (>= 4.3) - restriction: || (&& (== net45) (>= dnxcore50)) (&& (== net461) (>= dnxcore50)) (&& (== net461) (< net45)) (== netcoreapp2.0) (== netstandard2.0)
      System.Runtime (>= 4.3) - restriction: || (&& (== net45) (>= dnxcore50)) (&& (== net461) (>= dnxcore50)) (&& (== net461) (< net45)) (== netcoreapp2.0) (== netstandard2.0)
    System.Reflection.Metadata (1.6) - restriction: || (&& (== net45) (>= net46)) (&& (== net45) (>= netcoreapp1.0)) (&& (== net45) (>= netstandard2.0)) (== net461) (== netcoreapp2.0) (== netstandard2.0)
      System.Collections.Immutable (>= 1.5)
    System.Reflection.Primitives (4.3) - restriction: || (&& (== net45) (>= dnxcore50) (>= net46)) (&& (== net45) (>= dnxcore50) (>= netstandard2.0)) (&& (== net45) (>= netcoreapp1.0)) (&& (== net461) (>= dnxcore50)) (&& (== net461) (< net45)) (&& (== net461) (>= netcoreapp1.0)) (== netcoreapp2.0) (== netstandard2.0)
      Microsoft.NETCore.Platforms (>= 1.1) - restriction: || (&& (== net45) (>= dnxcore50)) (&& (== net461) (>= dnxcore50)) (&& (== net461) (< net45)) (== netcoreapp2.0) (== netstandard2.0)
      Microsoft.NETCore.Targets (>= 1.1) - restriction: || (&& (== net45) (>= dnxcore50)) (&& (== net461) (>= dnxcore50)) (&& (== net461) (< net45)) (== netcoreapp2.0) (== netstandard2.0)
      System.Runtime (>= 4.3) - restriction: || (&& (== net45) (>= dnxcore50)) (&& (== net461) (>= dnxcore50)) (&& (== net461) (< net45)) (== netcoreapp2.0) (== netstandard2.0)
    System.Reflection.TypeExtensions (4.5.1) - restriction: || (&& (== net45) (>= dnxcore50) (>= net46)) (&& (== net45) (>= dnxcore50) (>= netstandard2.0)) (&& (== net45) (>= netcoreapp1.0)) (&& (== net461) (>= dnxcore50)) (&& (== net461) (< net45)) (&& (== net461) (>= netcoreapp1.0)) (== netcoreapp2.0) (== netstandard2.0)
    System.Resources.ResourceManager (4.3) - restriction: || (&& (== net45) (>= net46)) (&& (== net45) (>= netcoreapp1.0)) (&& (== net45) (>= netstandard2.0)) (== net461) (== netcoreapp2.0) (== netstandard2.0)
      Microsoft.NETCore.Platforms (>= 1.1) - restriction: || (&& (== net45) (>= dnxcore50)) (&& (== net461) (>= dnxcore50)) (&& (== net461) (< net45)) (== netcoreapp2.0) (== netstandard2.0)
      Microsoft.NETCore.Targets (>= 1.1) - restriction: || (&& (== net45) (>= dnxcore50)) (&& (== net461) (>= dnxcore50)) (&& (== net461) (< net45)) (== netcoreapp2.0) (== netstandard2.0)
      System.Globalization (>= 4.3) - restriction: || (&& (== net45) (>= dnxcore50)) (&& (== net461) (>= dnxcore50)) (&& (== net461) (< net45)) (== netcoreapp2.0) (== netstandard2.0)
      System.Reflection (>= 4.3) - restriction: || (&& (== net45) (>= dnxcore50)) (&& (== net461) (>= dnxcore50)) (&& (== net461) (< net45)) (== netcoreapp2.0) (== netstandard2.0)
      System.Runtime (>= 4.3) - restriction: || (&& (== net45) (>= dnxcore50)) (&& (== net461) (>= dnxcore50)) (&& (== net461) (< net45)) (== netcoreapp2.0) (== netstandard2.0)
    System.Runtime (4.3) - restriction: || (&& (== net45) (>= net46)) (&& (== net45) (>= netcoreapp1.0)) (&& (== net45) (>= netstandard2.0)) (== net461) (== netcoreapp2.0) (== netstandard2.0)
      Microsoft.NETCore.Platforms (>= 1.1) - restriction: || (&& (== net45) (>= dnxcore50)) (&& (== net461) (>= dnxcore50)) (&& (== net461) (< net45)) (== netcoreapp2.0) (== netstandard2.0)
      Microsoft.NETCore.Targets (>= 1.1) - restriction: || (&& (== net45) (>= dnxcore50)) (&& (== net461) (>= dnxcore50)) (&& (== net461) (< net45)) (== netcoreapp2.0) (== netstandard2.0)
    System.Runtime.CompilerServices.Unsafe (4.5.2) - restriction: || (&& (== net45) (>= net46)) (&& (== net45) (>= net461) (>= uap10.1)) (&& (== net45) (>= netcoreapp2.0)) (&& (== net45) (>= netstandard2.0)) (&& (== net45) (>= xamarinios)) (== net461) (== netcoreapp2.0) (== netstandard2.0)
    System.Runtime.Extensions (4.3) - restriction: || (&& (== net45) (>= net46)) (&& (== net45) (>= netcoreapp1.0)) (&& (== net45) (>= netstandard2.0)) (== net461) (== netcoreapp2.0) (== netstandard2.0)
      Microsoft.NETCore.Platforms (>= 1.1) - restriction: || (&& (== net45) (>= dnxcore50)) (&& (== net461) (>= dnxcore50)) (&& (== net461) (< net45)) (== netcoreapp2.0) (== netstandard2.0)
      Microsoft.NETCore.Targets (>= 1.1) - restriction: || (&& (== net45) (>= dnxcore50)) (&& (== net461) (>= dnxcore50)) (&& (== net461) (< net45)) (== netcoreapp2.0) (== netstandard2.0)
      System.Runtime (>= 4.3) - restriction: || (&& (== net45) (>= dnxcore50)) (&& (== net461) (>= dnxcore50)) (&& (== net461) (< net45)) (== netcoreapp2.0) (== netstandard2.0)
    System.Runtime.Handles (4.3) - restriction: || (&& (== net45) (== net461)) (&& (== net45) (>= net46)) (&& (== net45) (>= netcoreapp1.0)) (&& (== net45) (>= netstandard2.0)) (&& (== net461) (>= dnxcore50)) (&& (== net461) (< net46)) (&& (== net461) (>= netcoreapp1.0)) (== netcoreapp2.0) (== netstandard2.0)
      Microsoft.NETCore.Platforms (>= 1.1) - restriction: || (&& (== net45) (>= netstandard1.3)) (&& (== net461) (< net46)) (== netcoreapp2.0) (== netstandard2.0)
      Microsoft.NETCore.Targets (>= 1.1) - restriction: || (&& (== net45) (>= netstandard1.3)) (&& (== net461) (< net46)) (== netcoreapp2.0) (== netstandard2.0)
      System.Runtime (>= 4.3) - restriction: || (&& (== net45) (>= netstandard1.3)) (&& (== net461) (< net46)) (== netcoreapp2.0) (== netstandard2.0)
    System.Runtime.InteropServices (4.3) - restriction: || (&& (== net45) (>= net46)) (&& (== net45) (>= netcoreapp1.0)) (&& (== net45) (>= netstandard2.0)) (== net461) (== netcoreapp2.0) (== netstandard2.0)
      Microsoft.NETCore.Platforms (>= 1.1) - restriction: || (&& (== net45) (>= dnxcore50)) (&& (== net45) (>= netcoreapp1.1)) (&& (== net461) (>= dnxcore50)) (&& (== net461) (< net45)) (&& (== net461) (>= netcoreapp1.1)) (== netcoreapp2.0) (== netstandard2.0)
      Microsoft.NETCore.Targets (>= 1.1) - restriction: || (&& (== net45) (>= dnxcore50)) (&& (== net45) (>= netcoreapp1.1)) (&& (== net461) (>= dnxcore50)) (&& (== net461) (< net45)) (&& (== net461) (>= netcoreapp1.1)) (== netcoreapp2.0) (== netstandard2.0)
      System.Reflection (>= 4.3) - restriction: || (&& (== net45) (>= dnxcore50)) (&& (== net45) (>= netcoreapp1.1)) (&& (== net461) (>= dnxcore50)) (&& (== net461) (< net45)) (&& (== net461) (>= netcoreapp1.1)) (== netcoreapp2.0) (== netstandard2.0)
      System.Reflection.Primitives (>= 4.3) - restriction: || (&& (== net45) (>= dnxcore50)) (&& (== net45) (>= netcoreapp1.1)) (&& (== net461) (>= dnxcore50)) (&& (== net461) (< net45)) (&& (== net461) (>= netcoreapp1.1)) (== netcoreapp2.0) (== netstandard2.0)
      System.Runtime (>= 4.3) - restriction: || (&& (== net45) (>= dnxcore50)) (&& (== net45) (>= net462)) (&& (== net45) (>= netcoreapp1.1)) (&& (== net461) (>= dnxcore50)) (&& (== net461) (< net45)) (&& (== net461) (>= net462)) (&& (== net461) (>= netcoreapp1.1)) (== netcoreapp2.0) (== netstandard2.0)
      System.Runtime.Handles (>= 4.3) - restriction: || (&& (== net45) (>= dnxcore50)) (&& (== net45) (>= netcoreapp1.1)) (&& (== net461) (>= dnxcore50)) (&& (== net461) (< net45)) (&& (== net461) (>= netcoreapp1.1)) (== netcoreapp2.0) (== netstandard2.0)
    System.Runtime.InteropServices.RuntimeInformation (4.3) - restriction: || (&& (== net45) (>= net46)) (&& (== net45) (>= netcoreapp1.0)) (&& (== net45) (>= netstandard2.0)) (== net461) (== netcoreapp2.0) (== netstandard2.0)
      runtime.native.System (>= 4.3) - restriction: || (&& (== net461) (< net45)) (== netcoreapp2.0) (== netstandard2.0)
      System.Reflection (>= 4.3) - restriction: || (&& (== net45) (>= dnxcore50)) (&& (== net461) (>= dnxcore50)) (&& (== net461) (< net45)) (== netcoreapp2.0) (== netstandard2.0)
      System.Reflection.Extensions (>= 4.3) - restriction: || (&& (== net45) (>= dnxcore50)) (&& (== net461) (>= dnxcore50)) (&& (== net461) (< net45)) (== netcoreapp2.0) (== netstandard2.0)
      System.Resources.ResourceManager (>= 4.3) - restriction: || (&& (== net45) (>= dnxcore50)) (&& (== net461) (>= dnxcore50)) (&& (== net461) (< net45)) (== netcoreapp2.0) (== netstandard2.0)
      System.Runtime (>= 4.3) - restriction: || (&& (== net45) (>= dnxcore50)) (&& (== net461) (>= dnxcore50)) (&& (== net461) (< net45)) (== netcoreapp2.0) (== netstandard2.0)
      System.Runtime.InteropServices (>= 4.3) - restriction: || (&& (== net461) (< net45)) (== netcoreapp2.0) (== netstandard2.0)
      System.Threading (>= 4.3) - restriction: || (&& (== net45) (>= dnxcore50)) (&& (== net461) (>= dnxcore50)) (&& (== net461) (< net45)) (== netcoreapp2.0) (== netstandard2.0)
    System.Runtime.Loader (4.3.0) - version_in_path: true, restriction: || (&& (== net45) (>= netcoreapp1.0)) (&& (== net461) (>= netcoreapp1.0)) (== netcoreapp2.0) (&& (== netstandard2.0) (>= netcoreapp1.0))
      System.IO (>= 4.3) - restriction: || (&& (== net45) (>= netstandard1.5)) (&& (== net461) (>= netstandard1.5)) (== netcoreapp2.0) (== netstandard2.0)
      System.Reflection (>= 4.3) - restriction: || (&& (== net45) (>= netstandard1.5)) (&& (== net461) (>= netstandard1.5)) (== netcoreapp2.0) (== netstandard2.0)
      System.Runtime (>= 4.3) - restriction: || (&& (== net45) (>= netstandard1.5)) (&& (== net461) (>= netstandard1.5)) (== netcoreapp2.0) (== netstandard2.0)
    System.Runtime.Numerics (4.3) - restriction: || (&& (== net45) (>= net46)) (&& (== net45) (>= netstandard2.0)) (== net461) (== netcoreapp2.0) (== netstandard2.0)
      System.Globalization (>= 4.3) - restriction: || (&& (== net45) (>= dnxcore50)) (&& (== net461) (>= dnxcore50)) (&& (== net461) (< net45)) (== netcoreapp2.0) (== netstandard2.0)
      System.Resources.ResourceManager (>= 4.3) - restriction: || (&& (== net45) (>= dnxcore50)) (&& (== net461) (>= dnxcore50)) (&& (== net461) (< net45)) (== netcoreapp2.0) (== netstandard2.0)
      System.Runtime (>= 4.3) - restriction: || (&& (== net45) (>= dnxcore50)) (&& (== net461) (>= dnxcore50)) (&& (== net461) (< net45)) (== netcoreapp2.0) (== netstandard2.0)
      System.Runtime.Extensions (>= 4.3) - restriction: || (&& (== net45) (>= dnxcore50)) (&& (== net461) (>= dnxcore50)) (&& (== net461) (< net45)) (== netcoreapp2.0) (== netstandard2.0)
    System.Runtime.Serialization.Json (4.3.0) - version_in_path: true, restriction: || (&& (== net45) (>= netcoreapp1.0)) (&& (== net461) (>= netcoreapp1.0)) (== netcoreapp2.0) (&& (== netstandard2.0) (>= netcoreapp1.0))
      System.IO (>= 4.3) - restriction: || (&& (== net45) (>= dnxcore50)) (&& (== net461) (>= dnxcore50)) (&& (== net461) (< net45)) (== netcoreapp2.0) (== netstandard2.0)
      System.Private.DataContractSerialization (>= 4.3) - restriction: || (&& (== net45) (>= dnxcore50)) (&& (== net461) (>= dnxcore50)) (&& (== net461) (< net45)) (== netcoreapp2.0) (== netstandard2.0)
      System.Runtime (>= 4.3) - restriction: || (&& (== net45) (>= dnxcore50)) (&& (== net461) (>= dnxcore50)) (&& (== net461) (< net45)) (== netcoreapp2.0) (== netstandard2.0)
    System.Runtime.Serialization.Primitives (4.3) - restriction: || (&& (== net45) (>= net46)) (&& (== net45) (>= netcoreapp1.0)) (&& (== net45) (>= netstandard2.0)) (== net461) (== netcoreapp2.0) (== netstandard2.0)
      System.Resources.ResourceManager (>= 4.3) - restriction: || (&& (== net45) (>= dnxcore50)) (&& (== net461) (>= dnxcore50)) (&& (== net461) (< net45)) (== netcoreapp2.0) (== netstandard2.0)
      System.Runtime (>= 4.3) - restriction: || (&& (== net45) (>= dnxcore50)) (&& (== net461) (>= dnxcore50)) (&& (== net461) (< net45)) (== netcoreapp2.0) (== netstandard2.0)
    System.Security.AccessControl (4.5) - restriction: || (&& (== net45) (>= monoandroid) (>= net46)) (&& (== net45) (>= monotouch) (>= net46)) (&& (== net45) (>= net46) (>= xamarinmac)) (&& (== net45) (>= net46) (>= xamarintvos)) (&& (== net45) (>= net46) (>= xamarinwatchos)) (&& (== net45) (>= net461)) (&& (== net45) (>= netcoreapp2.0)) (&& (== net45) (>= netstandard2.0)) (&& (== net45) (>= xamarinios)) (== net461) (== netcoreapp2.0) (== netstandard2.0)
      Microsoft.NETCore.Platforms (>= 2.0) - restriction: || (&& (== net45) (>= netcoreapp2.0)) (&& (== net461) (>= netcoreapp2.0)) (== netcoreapp2.0) (&& (== netstandard2.0) (>= netcoreapp2.0))
      System.Security.Principal.Windows (>= 4.5) - restriction: || (&& (== net45) (>= net461)) (&& (== net45) (>= netcoreapp2.0)) (&& (== net45) (>= netstandard2.0)) (== net461) (== netcoreapp2.0) (== netstandard2.0)
    System.Security.Cryptography.Algorithms (4.3.1) - restriction: || (&& (== net45) (>= net46)) (&& (== net45) (>= netstandard2.0)) (== net461) (== netcoreapp2.0) (== netstandard2.0)
      Microsoft.NETCore.Platforms (>= 1.1) - restriction: || (&& (== net45) (>= dnxcore50)) (&& (== net45) (>= netstandard1.6)) (&& (== net461) (>= dnxcore50)) (&& (== net461) (< net46) (>= netstandard1.6)) (== netcoreapp2.0) (== netstandard2.0)
      runtime.native.System.Security.Cryptography.Apple (>= 4.3.1) - restriction: || (&& (== net45) (>= netstandard1.6)) (&& (== net461) (< net46) (>= netstandard1.6)) (== netcoreapp2.0) (== netstandard2.0)
      runtime.native.System.Security.Cryptography.OpenSsl (>= 4.3.2) - restriction: || (&& (== net45) (>= netstandard1.6)) (&& (== net461) (< net46) (>= netstandard1.6)) (== netcoreapp2.0) (== netstandard2.0)
      System.Collections (>= 4.3) - restriction: || (&& (== net45) (>= netstandard1.6)) (&& (== net461) (< net46) (>= netstandard1.6)) (== netcoreapp2.0) (== netstandard2.0)
      System.IO (>= 4.3) - restriction: || (&& (== net45) (>= dnxcore50)) (&& (== net45) (>= net463)) (&& (== net45) (>= netstandard1.3)) (&& (== net45) (>= netstandard1.4)) (&& (== net45) (>= netstandard1.6)) (&& (== net461) (>= dnxcore50)) (&& (== net461) (< net46)) (&& (== net461) (>= net463)) (== netcoreapp2.0) (== netstandard2.0)
      System.Resources.ResourceManager (>= 4.3) - restriction: || (&& (== net45) (>= dnxcore50)) (&& (== net45) (>= netstandard1.6)) (&& (== net461) (>= dnxcore50)) (&& (== net461) (< net46) (>= netstandard1.6)) (== netcoreapp2.0) (== netstandard2.0)
      System.Runtime (>= 4.3) - restriction: || (&& (== net45) (>= dnxcore50)) (&& (== net45) (>= net463)) (&& (== net45) (>= netstandard1.3)) (&& (== net45) (>= netstandard1.4)) (&& (== net45) (>= netstandard1.6)) (&& (== net461) (>= dnxcore50)) (&& (== net461) (< net46)) (&& (== net461) (>= net463)) (== netcoreapp2.0) (== netstandard2.0)
      System.Runtime.Extensions (>= 4.3) - restriction: || (&& (== net45) (>= dnxcore50)) (&& (== net45) (>= netstandard1.6)) (&& (== net461) (>= dnxcore50)) (&& (== net461) (< net46) (>= netstandard1.6)) (== netcoreapp2.0) (== netstandard2.0)
      System.Runtime.Handles (>= 4.3) - restriction: || (&& (== net45) (>= dnxcore50)) (&& (== net45) (>= netstandard1.6)) (&& (== net461) (>= dnxcore50)) (&& (== net461) (< net46) (>= netstandard1.6)) (== netcoreapp2.0) (== netstandard2.0)
      System.Runtime.InteropServices (>= 4.3) - restriction: || (&& (== net45) (>= dnxcore50)) (&& (== net45) (>= netstandard1.6)) (&& (== net461) (>= dnxcore50)) (&& (== net461) (< net46) (>= netstandard1.6)) (== netcoreapp2.0) (== netstandard2.0)
      System.Runtime.Numerics (>= 4.3) - restriction: || (&& (== net45) (>= netstandard1.6)) (&& (== net461) (< net46) (>= netstandard1.6)) (== netcoreapp2.0) (== netstandard2.0)
      System.Security.Cryptography.Encoding (>= 4.3) - restriction: || (&& (== net45) (>= dnxcore50)) (&& (== net45) (>= net463)) (&& (== net45) (>= netstandard1.6)) (&& (== net461) (>= dnxcore50)) (&& (== net461) (< net46) (>= netstandard1.6)) (&& (== net461) (>= net463)) (== netcoreapp2.0) (== netstandard2.0)
      System.Security.Cryptography.Primitives (>= 4.3) - restriction: || (&& (== net45) (>= dnxcore50)) (&& (== net45) (>= net46)) (&& (== net45) (>= net461)) (&& (== net45) (>= net463)) (&& (== net45) (>= netstandard1.3)) (&& (== net45) (>= netstandard1.4)) (&& (== net45) (>= netstandard1.6)) (== net461) (== netcoreapp2.0) (== netstandard2.0)
      System.Text.Encoding (>= 4.3) - restriction: || (&& (== net45) (>= dnxcore50)) (&& (== net45) (>= netstandard1.6)) (&& (== net461) (>= dnxcore50)) (&& (== net461) (< net46) (>= netstandard1.6)) (== netcoreapp2.0) (== netstandard2.0)
    System.Security.Cryptography.Cng (4.5) - restriction: || (&& (== net45) (== net461) (>= netstandard1.6)) (&& (== net45) (>= dnxcore50) (>= net46)) (&& (== net45) (>= net46) (>= netstandard1.6)) (&& (== net45) (>= netstandard2.0)) (&& (== net461) (>= dnxcore50)) (&& (== net461) (< net46) (>= netstandard1.6)) (== netcoreapp2.0) (== netstandard2.0)
      Microsoft.NETCore.Platforms (>= 2.0) - restriction: || (&& (== net45) (>= netcoreapp2.0)) (&& (== net461) (>= netcoreapp2.0)) (== netcoreapp2.0) (&& (== netstandard2.0) (>= netcoreapp2.0))
    System.Security.Cryptography.Csp (4.3) - restriction: || (&& (== net45) (== net461) (>= netstandard1.6)) (&& (== net45) (>= net46) (>= netstandard1.6)) (&& (== net45) (>= netstandard2.0)) (&& (== net461) (< net46) (>= netstandard1.6)) (== netcoreapp2.0) (== netstandard2.0)
      Microsoft.NETCore.Platforms (>= 1.1) - restriction: || (&& (== net45) (>= netstandard1.3)) (&& (== net461) (< net46)) (== netcoreapp2.0) (== netstandard2.0)
      System.IO (>= 4.3) - restriction: || (&& (== net45) (>= netstandard1.3)) (&& (== net461) (< net46)) (== netcoreapp2.0) (== netstandard2.0)
      System.Reflection (>= 4.3) - restriction: || (&& (== net45) (>= netstandard1.3)) (&& (== net461) (< net46)) (== netcoreapp2.0) (== netstandard2.0)
      System.Resources.ResourceManager (>= 4.3) - restriction: || (&& (== net45) (>= netstandard1.3)) (&& (== net461) (< net46)) (== netcoreapp2.0) (== netstandard2.0)
      System.Runtime (>= 4.3) - restriction: || (&& (== net45) (>= netstandard1.3)) (&& (== net461) (< net46)) (== netcoreapp2.0) (== netstandard2.0)
      System.Runtime.Extensions (>= 4.3) - restriction: || (&& (== net45) (>= netstandard1.3)) (&& (== net461) (< net46)) (== netcoreapp2.0) (== netstandard2.0)
      System.Runtime.Handles (>= 4.3) - restriction: || (&& (== net45) (>= netstandard1.3)) (&& (== net461) (< net46)) (== netcoreapp2.0) (== netstandard2.0)
      System.Runtime.InteropServices (>= 4.3) - restriction: || (&& (== net45) (>= netstandard1.3)) (&& (== net461) (< net46)) (== netcoreapp2.0) (== netstandard2.0)
      System.Security.Cryptography.Algorithms (>= 4.3) - restriction: || (&& (== net45) (>= net46)) (&& (== net45) (>= netstandard1.3)) (== net461) (== netcoreapp2.0) (== netstandard2.0)
      System.Security.Cryptography.Encoding (>= 4.3) - restriction: || (&& (== net45) (>= netstandard1.3)) (&& (== net461) (< net46)) (== netcoreapp2.0) (== netstandard2.0)
      System.Security.Cryptography.Primitives (>= 4.3) - restriction: || (&& (== net45) (>= net46)) (&& (== net45) (>= netstandard1.3)) (== net461) (== netcoreapp2.0) (== netstandard2.0)
      System.Text.Encoding (>= 4.3) - restriction: || (&& (== net45) (>= netstandard1.3)) (&& (== net461) (< net46)) (== netcoreapp2.0) (== netstandard2.0)
      System.Threading (>= 4.3) - restriction: || (&& (== net45) (>= netstandard1.3)) (&& (== net461) (< net46)) (== netcoreapp2.0) (== netstandard2.0)
    System.Security.Cryptography.Encoding (4.3) - restriction: || (&& (== net45) (>= net46)) (&& (== net45) (>= net463)) (&& (== net45) (>= netstandard2.0)) (== net461) (== netcoreapp2.0) (== netstandard2.0)
      Microsoft.NETCore.Platforms (>= 1.1) - restriction: || (&& (== net45) (>= netstandard1.3)) (&& (== net461) (< net46)) (== netcoreapp2.0) (== netstandard2.0)
      runtime.native.System.Security.Cryptography.OpenSsl (>= 4.3) - restriction: || (&& (== net45) (>= netstandard1.3)) (&& (== net461) (< net46)) (== netcoreapp2.0) (== netstandard2.0)
      System.Collections (>= 4.3) - restriction: || (&& (== net45) (>= netstandard1.3)) (&& (== net461) (< net46)) (== netcoreapp2.0) (== netstandard2.0)
      System.Collections.Concurrent (>= 4.3) - restriction: || (&& (== net45) (>= netstandard1.3)) (&& (== net461) (< net46)) (== netcoreapp2.0) (== netstandard2.0)
      System.Linq (>= 4.3) - restriction: || (&& (== net45) (>= netstandard1.3)) (&& (== net461) (< net46)) (== netcoreapp2.0) (== netstandard2.0)
      System.Resources.ResourceManager (>= 4.3) - restriction: || (&& (== net45) (>= netstandard1.3)) (&& (== net461) (< net46)) (== netcoreapp2.0) (== netstandard2.0)
      System.Runtime (>= 4.3) - restriction: || (&& (== net45) (>= netstandard1.3)) (&& (== net461) (< net46)) (== netcoreapp2.0) (== netstandard2.0)
      System.Runtime.Extensions (>= 4.3) - restriction: || (&& (== net45) (>= netstandard1.3)) (&& (== net461) (< net46)) (== netcoreapp2.0) (== netstandard2.0)
      System.Runtime.Handles (>= 4.3) - restriction: || (&& (== net45) (>= netstandard1.3)) (&& (== net461) (< net46)) (== netcoreapp2.0) (== netstandard2.0)
      System.Runtime.InteropServices (>= 4.3) - restriction: || (&& (== net45) (>= netstandard1.3)) (&& (== net461) (< net46)) (== netcoreapp2.0) (== netstandard2.0)
      System.Security.Cryptography.Primitives (>= 4.3) - restriction: || (&& (== net45) (>= netstandard1.3)) (&& (== net461) (< net46)) (== netcoreapp2.0) (== netstandard2.0)
      System.Text.Encoding (>= 4.3) - restriction: || (&& (== net45) (>= netstandard1.3)) (&& (== net461) (< net46)) (== netcoreapp2.0) (== netstandard2.0)
    System.Security.Cryptography.OpenSsl (4.5) - restriction: || (&& (== net45) (== net461) (>= netstandard1.6)) (&& (== net45) (>= net46) (>= netstandard1.6)) (&& (== net45) (>= netstandard2.0)) (&& (== net461) (< net46) (>= netstandard1.6)) (== netcoreapp2.0) (== netstandard2.0)
      Microsoft.NETCore.Platforms (>= 2.0) - restriction: || (&& (== net45) (>= netcoreapp2.0)) (&& (== net461) (>= netcoreapp2.0)) (== netcoreapp2.0) (&& (== netstandard2.0) (>= netcoreapp2.0))
    System.Security.Cryptography.Primitives (4.3) - restriction: || (&& (== net45) (>= net46)) (&& (== net45) (>= net461)) (&& (== net45) (>= net463)) (&& (== net45) (>= netstandard2.0)) (== net461) (== netcoreapp2.0) (== netstandard2.0)
      System.Diagnostics.Debug (>= 4.3) - restriction: || (&& (== net45) (>= netstandard1.3)) (&& (== net461) (< net46)) (== netcoreapp2.0) (== netstandard2.0)
      System.Globalization (>= 4.3) - restriction: || (&& (== net45) (>= netstandard1.3)) (&& (== net461) (< net46)) (== netcoreapp2.0) (== netstandard2.0)
      System.IO (>= 4.3) - restriction: || (&& (== net45) (>= netstandard1.3)) (&& (== net461) (< net46)) (== netcoreapp2.0) (== netstandard2.0)
      System.Resources.ResourceManager (>= 4.3) - restriction: || (&& (== net45) (>= netstandard1.3)) (&& (== net461) (< net46)) (== netcoreapp2.0) (== netstandard2.0)
      System.Runtime (>= 4.3) - restriction: || (&& (== net45) (>= netstandard1.3)) (&& (== net461) (< net46)) (== netcoreapp2.0) (== netstandard2.0)
      System.Threading (>= 4.3) - restriction: || (&& (== net45) (>= netstandard1.3)) (&& (== net461) (< net46)) (== netcoreapp2.0) (== netstandard2.0)
      System.Threading.Tasks (>= 4.3) - restriction: || (&& (== net45) (>= netstandard1.3)) (&& (== net461) (< net46)) (== netcoreapp2.0) (== netstandard2.0)
    System.Security.Cryptography.X509Certificates (4.3.2) - restriction: || (&& (== net45) (>= net46)) (&& (== net45) (>= netstandard2.0)) (== net461) (== netcoreapp2.0) (== netstandard2.0)
      Microsoft.NETCore.Platforms (>= 1.1) - restriction: || (&& (== net45) (>= dnxcore50)) (&& (== net45) (>= netstandard1.6)) (&& (== net461) (>= dnxcore50)) (&& (== net461) (< net46) (>= netstandard1.6)) (== netcoreapp2.0) (== netstandard2.0)
      runtime.native.System (>= 4.3) - restriction: || (&& (== net45) (>= netstandard1.6)) (&& (== net461) (< net46) (>= netstandard1.6)) (== netcoreapp2.0) (== netstandard2.0)
      runtime.native.System.Net.Http (>= 4.3) - restriction: || (&& (== net45) (>= netstandard1.6)) (&& (== net461) (< net46) (>= netstandard1.6)) (== netcoreapp2.0) (== netstandard2.0)
      runtime.native.System.Security.Cryptography.OpenSsl (>= 4.3.2) - restriction: || (&& (== net45) (>= netstandard1.6)) (&& (== net461) (< net46) (>= netstandard1.6)) (== netcoreapp2.0) (== netstandard2.0)
      System.Collections (>= 4.3) - restriction: || (&& (== net45) (>= dnxcore50)) (&& (== net45) (>= netstandard1.6)) (&& (== net461) (>= dnxcore50)) (&& (== net461) (< net46) (>= netstandard1.6)) (== netcoreapp2.0) (== netstandard2.0)
      System.Diagnostics.Debug (>= 4.3) - restriction: || (&& (== net45) (>= netstandard1.6)) (&& (== net461) (< net46) (>= netstandard1.6)) (== netcoreapp2.0) (== netstandard2.0)
      System.Globalization (>= 4.3) - restriction: || (&& (== net45) (>= dnxcore50)) (&& (== net45) (>= netstandard1.6)) (&& (== net461) (>= dnxcore50)) (&& (== net461) (< net46) (>= netstandard1.6)) (== netcoreapp2.0) (== netstandard2.0)
      System.Globalization.Calendars (>= 4.3) - restriction: || (&& (== net45) (>= dnxcore50)) (&& (== net45) (>= netstandard1.6)) (&& (== net461) (>= dnxcore50)) (&& (== net461) (< net46) (>= netstandard1.6)) (== netcoreapp2.0) (== netstandard2.0)
      System.IO (>= 4.3) - restriction: || (&& (== net45) (>= dnxcore50)) (&& (== net45) (>= netstandard1.6)) (&& (== net461) (>= dnxcore50)) (&& (== net461) (< net46) (>= netstandard1.6)) (== netcoreapp2.0) (== netstandard2.0)
      System.IO.FileSystem (>= 4.3) - restriction: || (&& (== net45) (>= dnxcore50)) (&& (== net45) (>= netstandard1.6)) (&& (== net461) (>= dnxcore50)) (&& (== net461) (< net46) (>= netstandard1.6)) (== netcoreapp2.0) (== netstandard2.0)
      System.IO.FileSystem.Primitives (>= 4.3) - restriction: || (&& (== net45) (>= netstandard1.6)) (&& (== net461) (< net46) (>= netstandard1.6)) (== netcoreapp2.0) (== netstandard2.0)
      System.Resources.ResourceManager (>= 4.3) - restriction: || (&& (== net45) (>= dnxcore50)) (&& (== net45) (>= netstandard1.6)) (&& (== net461) (>= dnxcore50)) (&& (== net461) (< net46) (>= netstandard1.6)) (== netcoreapp2.0) (== netstandard2.0)
      System.Runtime (>= 4.3) - restriction: || (&& (== net45) (>= dnxcore50)) (&& (== net45) (>= netstandard1.3)) (&& (== net45) (>= netstandard1.4)) (&& (== net45) (>= netstandard1.6)) (&& (== net461) (>= dnxcore50)) (&& (== net461) (< net46)) (== netcoreapp2.0) (== netstandard2.0)
      System.Runtime.Extensions (>= 4.3) - restriction: || (&& (== net45) (>= dnxcore50)) (&& (== net45) (>= netstandard1.6)) (&& (== net461) (>= dnxcore50)) (&& (== net461) (< net46) (>= netstandard1.6)) (== netcoreapp2.0) (== netstandard2.0)
      System.Runtime.Handles (>= 4.3) - restriction: || (&& (== net45) (>= dnxcore50)) (&& (== net45) (>= netstandard1.3)) (&& (== net45) (>= netstandard1.4)) (&& (== net45) (>= netstandard1.6)) (&& (== net461) (>= dnxcore50)) (&& (== net461) (< net46)) (== netcoreapp2.0) (== netstandard2.0)
      System.Runtime.InteropServices (>= 4.3) - restriction: || (&& (== net45) (>= dnxcore50)) (&& (== net45) (>= netstandard1.6)) (&& (== net461) (>= dnxcore50)) (&& (== net461) (< net46) (>= netstandard1.6)) (== netcoreapp2.0) (== netstandard2.0)
      System.Runtime.Numerics (>= 4.3) - restriction: || (&& (== net45) (>= dnxcore50)) (&& (== net45) (>= netstandard1.6)) (&& (== net461) (>= dnxcore50)) (&& (== net461) (< net46) (>= netstandard1.6)) (== netcoreapp2.0) (== netstandard2.0)
      System.Security.Cryptography.Algorithms (>= 4.3) - restriction: || (&& (== net45) (>= dnxcore50)) (&& (== net45) (>= net46)) (&& (== net45) (>= net461)) (&& (== net45) (>= netstandard1.3)) (&& (== net45) (>= netstandard1.4)) (&& (== net45) (>= netstandard1.6)) (== net461) (== netcoreapp2.0) (== netstandard2.0)
      System.Security.Cryptography.Cng (>= 4.3) - restriction: || (&& (== net45) (>= dnxcore50)) (&& (== net45) (>= netstandard1.6)) (&& (== net461) (>= dnxcore50)) (&& (== net461) (< net46) (>= netstandard1.6)) (== netcoreapp2.0) (== netstandard2.0)
      System.Security.Cryptography.Csp (>= 4.3) - restriction: || (&& (== net45) (>= netstandard1.6)) (&& (== net461) (< net46) (>= netstandard1.6)) (== netcoreapp2.0) (== netstandard2.0)
      System.Security.Cryptography.Encoding (>= 4.3) - restriction: || (&& (== net45) (>= dnxcore50)) (&& (== net45) (>= net46)) (&& (== net45) (>= net461)) (&& (== net45) (>= netstandard1.3)) (&& (== net45) (>= netstandard1.4)) (&& (== net45) (>= netstandard1.6)) (== net461) (== netcoreapp2.0) (== netstandard2.0)
      System.Security.Cryptography.OpenSsl (>= 4.3) - restriction: || (&& (== net45) (>= netstandard1.6)) (&& (== net461) (< net46) (>= netstandard1.6)) (== netcoreapp2.0) (== netstandard2.0)
      System.Security.Cryptography.Primitives (>= 4.3) - restriction: || (&& (== net45) (>= dnxcore50)) (&& (== net45) (>= netstandard1.6)) (&& (== net461) (>= dnxcore50)) (&& (== net461) (< net46) (>= netstandard1.6)) (== netcoreapp2.0) (== netstandard2.0)
      System.Text.Encoding (>= 4.3) - restriction: || (&& (== net45) (>= dnxcore50)) (&& (== net45) (>= netstandard1.6)) (&& (== net461) (>= dnxcore50)) (&& (== net461) (< net46) (>= netstandard1.6)) (== netcoreapp2.0) (== netstandard2.0)
      System.Threading (>= 4.3) - restriction: || (&& (== net45) (>= dnxcore50)) (&& (== net45) (>= netstandard1.6)) (&& (== net461) (>= dnxcore50)) (&& (== net461) (< net46) (>= netstandard1.6)) (== netcoreapp2.0) (== netstandard2.0)
    System.Security.Principal.Windows (4.5.1) - restriction: || (&& (== net45) (>= monoandroid) (>= net46)) (&& (== net45) (>= monotouch) (>= net46)) (&& (== net45) (>= net46) (>= xamarinmac)) (&& (== net45) (>= net46) (>= xamarintvos)) (&& (== net45) (>= net46) (>= xamarinwatchos)) (&& (== net45) (>= net461)) (&& (== net45) (>= netcoreapp2.0)) (&& (== net45) (>= netstandard2.0)) (&& (== net45) (>= xamarinios)) (== net461) (== netcoreapp2.0) (== netstandard2.0)
      Microsoft.NETCore.Platforms (>= 2.0) - restriction: || (&& (== net45) (>= netcoreapp2.0)) (&& (== net461) (>= netcoreapp2.0)) (== netcoreapp2.0) (&& (== netstandard2.0) (>= netcoreapp2.0))
    System.Text.Encoding (4.3) - restriction: || (&& (== net45) (>= net46)) (&& (== net45) (>= netcoreapp1.0)) (&& (== net45) (>= netstandard2.0)) (== net461) (== netcoreapp2.0) (== netstandard2.0)
      Microsoft.NETCore.Platforms (>= 1.1) - restriction: || (&& (== net45) (>= dnxcore50)) (&& (== net461) (>= dnxcore50)) (&& (== net461) (< net45)) (== netcoreapp2.0) (== netstandard2.0)
      Microsoft.NETCore.Targets (>= 1.1) - restriction: || (&& (== net45) (>= dnxcore50)) (&& (== net461) (>= dnxcore50)) (&& (== net461) (< net45)) (== netcoreapp2.0) (== netstandard2.0)
      System.Runtime (>= 4.3) - restriction: || (&& (== net45) (>= dnxcore50)) (&& (== net461) (>= dnxcore50)) (&& (== net461) (< net45)) (== netcoreapp2.0) (== netstandard2.0)
    System.Text.Encoding.CodePages (4.5) - restriction: || (&& (== net45) (>= net46)) (&& (== net45) (>= netstandard2.0)) (== net461) (== netcoreapp2.0) (== netstandard2.0)
      Microsoft.NETCore.Platforms (>= 2.0) - restriction: || (&& (== net45) (>= netcoreapp2.0)) (&& (== net461) (>= netcoreapp2.0)) (== netcoreapp2.0) (&& (== netstandard2.0) (>= netcoreapp2.0))
      System.Runtime.CompilerServices.Unsafe (>= 4.5) - restriction: || (&& (== net45) (>= net461)) (&& (== net45) (>= netcoreapp2.0)) (&& (== net45) (>= netstandard2.0)) (== net461) (== netcoreapp2.0) (== netstandard2.0)
    System.Text.Encoding.Extensions (4.3) - restriction: || (&& (== net45) (>= net46)) (&& (== net45) (>= netcoreapp1.0)) (&& (== net45) (>= netstandard2.0)) (== net461) (== netcoreapp2.0) (== netstandard2.0)
      Microsoft.NETCore.Platforms (>= 1.1) - restriction: || (&& (== net45) (>= dnxcore50)) (&& (== net461) (>= dnxcore50)) (&& (== net461) (< net45)) (== netcoreapp2.0) (== netstandard2.0)
      Microsoft.NETCore.Targets (>= 1.1) - restriction: || (&& (== net45) (>= dnxcore50)) (&& (== net461) (>= dnxcore50)) (&& (== net461) (< net45)) (== netcoreapp2.0) (== netstandard2.0)
      System.Runtime (>= 4.3) - restriction: || (&& (== net45) (>= dnxcore50)) (&& (== net461) (>= dnxcore50)) (&& (== net461) (< net45)) (== netcoreapp2.0) (== netstandard2.0)
      System.Text.Encoding (>= 4.3) - restriction: || (&& (== net45) (>= dnxcore50)) (&& (== net461) (>= dnxcore50)) (&& (== net461) (< net45)) (== netcoreapp2.0) (== netstandard2.0)
    System.Text.RegularExpressions (4.3) - restriction: || (&& (== net45) (>= dnxcore50) (>= net46)) (&& (== net45) (>= dnxcore50) (>= netstandard2.0)) (&& (== net45) (>= netcoreapp1.0)) (&& (== net461) (>= dnxcore50)) (&& (== net461) (< net45)) (&& (== net461) (>= netcoreapp1.0)) (== netcoreapp2.0) (== netstandard2.0)
      System.Collections (>= 4.3) - restriction: || (&& (== net45) (>= dnxcore50)) (&& (== net461) (>= dnxcore50)) (&& (== net461) (< net45) (>= netstandard1.6)) (&& (== netcoreapp2.0) (>= dnxcore50)) (&& (== netcoreapp2.0) (< netcoreapp1.1)) (== netstandard2.0)
      System.Globalization (>= 4.3) - restriction: || (&& (== net45) (>= dnxcore50)) (&& (== net461) (>= dnxcore50)) (&& (== net461) (< net45) (>= netstandard1.6)) (&& (== netcoreapp2.0) (>= dnxcore50)) (&& (== netcoreapp2.0) (< netcoreapp1.1)) (== netstandard2.0)
      System.Resources.ResourceManager (>= 4.3) - restriction: || (&& (== net45) (>= dnxcore50)) (&& (== net461) (>= dnxcore50)) (&& (== net461) (< net45) (>= netstandard1.6)) (&& (== netcoreapp2.0) (>= dnxcore50)) (&& (== netcoreapp2.0) (< netcoreapp1.1)) (== netstandard2.0)
      System.Runtime (>= 4.3) - restriction: || (&& (== net45) (>= dnxcore50)) (&& (== net45) (>= netcoreapp1.1)) (&& (== net461) (>= dnxcore50)) (&& (== net461) (< net45)) (&& (== net461) (>= netcoreapp1.1)) (== netcoreapp2.0) (== netstandard2.0)
      System.Runtime.Extensions (>= 4.3) - restriction: || (&& (== net45) (>= dnxcore50)) (&& (== net461) (>= dnxcore50)) (&& (== net461) (< net45) (>= netstandard1.6)) (&& (== netcoreapp2.0) (>= dnxcore50)) (&& (== netcoreapp2.0) (< netcoreapp1.1)) (== netstandard2.0)
      System.Threading (>= 4.3) - restriction: || (&& (== net45) (>= dnxcore50)) (&& (== net461) (>= dnxcore50)) (&& (== net461) (< net45) (>= netstandard1.6)) (&& (== netcoreapp2.0) (>= dnxcore50)) (&& (== netcoreapp2.0) (< netcoreapp1.1)) (== netstandard2.0)
    System.Threading (4.3) - restriction: || (&& (== net45) (>= net46)) (&& (== net45) (>= netcoreapp1.0)) (&& (== net45) (>= netstandard2.0)) (== net461) (== netcoreapp2.0) (== netstandard2.0)
      System.Runtime (>= 4.3) - restriction: || (&& (== net45) (>= dnxcore50)) (&& (== net461) (>= dnxcore50)) (&& (== net461) (< net45)) (== netcoreapp2.0) (== netstandard2.0)
      System.Threading.Tasks (>= 4.3) - restriction: || (&& (== net45) (>= dnxcore50)) (&& (== net461) (>= dnxcore50)) (&& (== net461) (< net45)) (== netcoreapp2.0) (== netstandard2.0)
    System.Threading.Tasks (4.3) - restriction: || (&& (== net45) (>= net46)) (&& (== net45) (>= netcoreapp1.0)) (&& (== net45) (>= netstandard2.0)) (== net461) (== netcoreapp2.0) (== netstandard2.0)
      Microsoft.NETCore.Platforms (>= 1.1) - restriction: || (&& (== net45) (>= dnxcore50)) (&& (== net461) (>= dnxcore50)) (&& (== net461) (< net45)) (== netcoreapp2.0) (== netstandard2.0)
      Microsoft.NETCore.Targets (>= 1.1) - restriction: || (&& (== net45) (>= dnxcore50)) (&& (== net461) (>= dnxcore50)) (&& (== net461) (< net45)) (== netcoreapp2.0) (== netstandard2.0)
      System.Runtime (>= 4.3) - restriction: || (&& (== net45) (>= dnxcore50)) (&& (== net461) (>= dnxcore50)) (&& (== net461) (< net45)) (== netcoreapp2.0) (== netstandard2.0)
    System.Threading.Tasks.Extensions (4.5.1) - restriction: || (&& (== net45) (>= net46)) (&& (== net45) (>= netstandard2.0)) (== net461) (== netcoreapp2.0) (== netstandard2.0)
      System.Runtime.CompilerServices.Unsafe (>= 4.5)
    System.Threading.Tasks.Parallel (4.3) - restriction: || (&& (== net45) (>= net46)) (&& (== net45) (>= netstandard2.0)) (== net461) (== netcoreapp2.0) (== netstandard2.0)
      System.Collections.Concurrent (>= 4.3) - restriction: || (&& (== net45) (>= dnxcore50)) (&& (== net461) (>= dnxcore50)) (&& (== net461) (< net45)) (== netcoreapp2.0) (== netstandard2.0)
      System.Diagnostics.Debug (>= 4.3) - restriction: || (&& (== net45) (>= dnxcore50)) (&& (== net461) (>= dnxcore50)) (&& (== net461) (< net45)) (== netcoreapp2.0) (== netstandard2.0)
      System.Diagnostics.Tracing (>= 4.3) - restriction: || (&& (== net45) (>= dnxcore50)) (&& (== net461) (>= dnxcore50)) (&& (== net461) (< net45)) (== netcoreapp2.0) (== netstandard2.0)
      System.Resources.ResourceManager (>= 4.3) - restriction: || (&& (== net45) (>= dnxcore50)) (&& (== net461) (>= dnxcore50)) (&& (== net461) (< net45)) (== netcoreapp2.0) (== netstandard2.0)
      System.Runtime (>= 4.3) - restriction: || (&& (== net45) (>= dnxcore50)) (&& (== net461) (>= dnxcore50)) (&& (== net461) (< net45)) (== netcoreapp2.0) (== netstandard2.0)
      System.Runtime.Extensions (>= 4.3) - restriction: || (&& (== net45) (>= dnxcore50)) (&& (== net461) (>= dnxcore50)) (&& (== net461) (< net45)) (== netcoreapp2.0) (== netstandard2.0)
      System.Threading (>= 4.3) - restriction: || (&& (== net45) (>= dnxcore50)) (&& (== net461) (>= dnxcore50)) (&& (== net461) (< net45)) (== netcoreapp2.0) (== netstandard2.0)
      System.Threading.Tasks (>= 4.3) - restriction: || (&& (== net45) (>= dnxcore50)) (&& (== net461) (>= dnxcore50)) (&& (== net461) (< net45)) (== netcoreapp2.0) (== netstandard2.0)
    System.Threading.Thread (4.3) - restriction: || (&& (== net45) (>= net46)) (&& (== net45) (>= netcoreapp1.0)) (&& (== net45) (>= netstandard2.0)) (== net461) (== netcoreapp2.0) (== netstandard2.0)
      System.Runtime (>= 4.3) - restriction: || (&& (== net45) (>= netstandard1.3)) (&& (== net461) (< net46)) (== netcoreapp2.0) (== netstandard2.0)
    System.Threading.ThreadPool (4.3) - restriction: || (&& (== net45) (>= netcoreapp1.0)) (&& (== net461) (>= netcoreapp1.0)) (== netcoreapp2.0) (&& (== netstandard2.0) (>= netcoreapp1.0))
      System.Runtime (>= 4.3) - restriction: || (&& (== net45) (>= netstandard1.3)) (&& (== net461) (< net46)) (== netcoreapp2.0) (== netstandard2.0)
      System.Runtime.Handles (>= 4.3) - restriction: || (&& (== net45) (>= netstandard1.3)) (&& (== net461) (< net46)) (== netcoreapp2.0) (== netstandard2.0)
    System.ValueTuple (4.5)
    System.Xml.ReaderWriter (4.3.1) - restriction: || (&& (== net45) (>= net46)) (&& (== net45) (>= netcoreapp1.0)) (&& (== net45) (>= netstandard2.0)) (== net461) (== netcoreapp2.0) (== netstandard2.0)
      System.Collections (>= 4.3) - restriction: || (&& (== net45) (>= dnxcore50)) (&& (== net461) (>= dnxcore50)) (&& (== net461) (< net45)) (== netcoreapp2.0) (== netstandard2.0)
      System.Diagnostics.Debug (>= 4.3) - restriction: || (&& (== net45) (>= dnxcore50)) (&& (== net461) (>= dnxcore50)) (&& (== net461) (< net45)) (== netcoreapp2.0) (== netstandard2.0)
      System.Globalization (>= 4.3) - restriction: || (&& (== net45) (>= dnxcore50)) (&& (== net461) (>= dnxcore50)) (&& (== net461) (< net45)) (== netcoreapp2.0) (== netstandard2.0)
      System.IO (>= 4.3) - restriction: || (&& (== net45) (>= dnxcore50)) (&& (== net461) (>= dnxcore50)) (&& (== net461) (< net45)) (== netcoreapp2.0) (== netstandard2.0)
      System.IO.FileSystem (>= 4.3) - restriction: || (&& (== net45) (>= dnxcore50)) (&& (== net461) (>= dnxcore50)) (&& (== net461) (< net45)) (== netcoreapp2.0) (== netstandard2.0)
      System.IO.FileSystem.Primitives (>= 4.3) - restriction: || (&& (== net45) (>= dnxcore50)) (&& (== net461) (>= dnxcore50)) (&& (== net461) (< net45)) (== netcoreapp2.0) (== netstandard2.0)
      System.Resources.ResourceManager (>= 4.3) - restriction: || (&& (== net45) (>= dnxcore50)) (&& (== net461) (>= dnxcore50)) (&& (== net461) (< net45)) (== netcoreapp2.0) (== netstandard2.0)
      System.Runtime (>= 4.3) - restriction: || (&& (== net45) (>= dnxcore50)) (&& (== net461) (>= dnxcore50)) (&& (== net461) (< net45)) (== netcoreapp2.0) (== netstandard2.0)
      System.Runtime.Extensions (>= 4.3) - restriction: || (&& (== net45) (>= dnxcore50)) (&& (== net461) (>= dnxcore50)) (&& (== net461) (< net45)) (== netcoreapp2.0) (== netstandard2.0)
      System.Runtime.InteropServices (>= 4.3) - restriction: || (&& (== net45) (>= dnxcore50)) (&& (== net461) (>= dnxcore50)) (&& (== net461) (< net45)) (== netcoreapp2.0) (== netstandard2.0)
      System.Text.Encoding (>= 4.3) - restriction: || (&& (== net45) (>= dnxcore50)) (&& (== net461) (>= dnxcore50)) (&& (== net461) (< net45)) (== netcoreapp2.0) (== netstandard2.0)
      System.Text.Encoding.Extensions (>= 4.3) - restriction: || (&& (== net45) (>= dnxcore50)) (&& (== net461) (>= dnxcore50)) (&& (== net461) (< net45)) (== netcoreapp2.0) (== netstandard2.0)
      System.Text.RegularExpressions (>= 4.3) - restriction: || (&& (== net45) (>= dnxcore50)) (&& (== net461) (>= dnxcore50)) (&& (== net461) (< net45)) (== netcoreapp2.0) (== netstandard2.0)
      System.Threading.Tasks (>= 4.3) - restriction: || (&& (== net45) (>= dnxcore50)) (&& (== net461) (>= dnxcore50)) (&& (== net461) (< net45)) (== netcoreapp2.0) (== netstandard2.0)
      System.Threading.Tasks.Extensions (>= 4.3) - restriction: || (&& (== net45) (>= dnxcore50)) (&& (== net461) (>= dnxcore50)) (&& (== net461) (< net45)) (== netcoreapp2.0) (== netstandard2.0)
    System.Xml.XDocument (4.3) - restriction: || (&& (== net45) (>= net46)) (&& (== net45) (>= netcoreapp1.0)) (&& (== net45) (>= netstandard2.0)) (== net461) (== netcoreapp2.0) (== netstandard2.0)
      System.Collections (>= 4.3) - restriction: || (&& (== net45) (>= dnxcore50)) (&& (== net461) (>= dnxcore50)) (&& (== net461) (< net45)) (== netcoreapp2.0) (== netstandard2.0)
      System.Diagnostics.Debug (>= 4.3) - restriction: || (&& (== net45) (>= dnxcore50)) (&& (== net461) (>= dnxcore50)) (&& (== net461) (< net45)) (== netcoreapp2.0) (== netstandard2.0)
      System.Diagnostics.Tools (>= 4.3) - restriction: || (&& (== net45) (>= dnxcore50)) (&& (== net461) (>= dnxcore50)) (&& (== net461) (< net45)) (== netcoreapp2.0) (== netstandard2.0)
      System.Globalization (>= 4.3) - restriction: || (&& (== net45) (>= dnxcore50)) (&& (== net461) (>= dnxcore50)) (&& (== net461) (< net45)) (== netcoreapp2.0) (== netstandard2.0)
      System.IO (>= 4.3) - restriction: || (&& (== net45) (>= dnxcore50)) (&& (== net461) (>= dnxcore50)) (&& (== net461) (< net45)) (== netcoreapp2.0) (== netstandard2.0)
      System.Reflection (>= 4.3) - restriction: || (&& (== net45) (>= dnxcore50)) (&& (== net461) (>= dnxcore50)) (&& (== net461) (< net45)) (== netcoreapp2.0) (== netstandard2.0)
      System.Resources.ResourceManager (>= 4.3) - restriction: || (&& (== net45) (>= dnxcore50)) (&& (== net461) (>= dnxcore50)) (&& (== net461) (< net45)) (== netcoreapp2.0) (== netstandard2.0)
      System.Runtime (>= 4.3) - restriction: || (&& (== net45) (>= dnxcore50)) (&& (== net461) (>= dnxcore50)) (&& (== net461) (< net45)) (== netcoreapp2.0) (== netstandard2.0)
      System.Runtime.Extensions (>= 4.3) - restriction: || (&& (== net45) (>= dnxcore50)) (&& (== net461) (>= dnxcore50)) (&& (== net461) (< net45)) (== netcoreapp2.0) (== netstandard2.0)
      System.Text.Encoding (>= 4.3) - restriction: || (&& (== net45) (>= dnxcore50)) (&& (== net461) (>= dnxcore50)) (&& (== net461) (< net45)) (== netcoreapp2.0) (== netstandard2.0)
      System.Threading (>= 4.3) - restriction: || (&& (== net45) (>= dnxcore50)) (&& (== net461) (>= dnxcore50)) (&& (== net461) (< net45)) (== netcoreapp2.0) (== netstandard2.0)
      System.Xml.ReaderWriter (>= 4.3) - restriction: || (&& (== net45) (>= dnxcore50)) (&& (== net461) (>= dnxcore50)) (&& (== net461) (< net45)) (== netcoreapp2.0) (== netstandard2.0)
    System.Xml.XmlDocument (4.3) - restriction: || (&& (== net45) (>= net46)) (&& (== net45) (>= netcoreapp1.0)) (&& (== net45) (>= netstandard2.0)) (== net461) (== netcoreapp2.0) (== netstandard2.0)
      System.Collections (>= 4.3) - restriction: || (&& (== net45) (>= netstandard1.3)) (&& (== net461) (< net46)) (== netcoreapp2.0) (== netstandard2.0)
      System.Diagnostics.Debug (>= 4.3) - restriction: || (&& (== net45) (>= netstandard1.3)) (&& (== net461) (< net46)) (== netcoreapp2.0) (== netstandard2.0)
      System.Globalization (>= 4.3) - restriction: || (&& (== net45) (>= netstandard1.3)) (&& (== net461) (< net46)) (== netcoreapp2.0) (== netstandard2.0)
      System.IO (>= 4.3) - restriction: || (&& (== net45) (>= netstandard1.3)) (&& (== net461) (< net46)) (== netcoreapp2.0) (== netstandard2.0)
      System.Resources.ResourceManager (>= 4.3) - restriction: || (&& (== net45) (>= netstandard1.3)) (&& (== net461) (< net46)) (== netcoreapp2.0) (== netstandard2.0)
      System.Runtime (>= 4.3) - restriction: || (&& (== net45) (>= netstandard1.3)) (&& (== net461) (< net46)) (== netcoreapp2.0) (== netstandard2.0)
      System.Runtime.Extensions (>= 4.3) - restriction: || (&& (== net45) (>= netstandard1.3)) (&& (== net461) (< net46)) (== netcoreapp2.0) (== netstandard2.0)
      System.Text.Encoding (>= 4.3) - restriction: || (&& (== net45) (>= netstandard1.3)) (&& (== net461) (< net46)) (== netcoreapp2.0) (== netstandard2.0)
      System.Threading (>= 4.3) - restriction: || (&& (== net45) (>= netstandard1.3)) (&& (== net461) (< net46)) (== netcoreapp2.0) (== netstandard2.0)
      System.Xml.ReaderWriter (>= 4.3) - restriction: || (&& (== net45) (>= netstandard1.3)) (&& (== net461) (< net46)) (== netcoreapp2.0) (== netstandard2.0)
    System.Xml.XmlSerializer (4.3) - restriction: || (&& (== net45) (>= net46)) (&& (== net45) (>= netcoreapp1.0)) (&& (== net45) (>= netstandard2.0)) (== net461) (== netcoreapp2.0) (== netstandard2.0)
      System.Collections (>= 4.3) - restriction: || (&& (== net45) (>= dnxcore50)) (&& (== net461) (>= dnxcore50)) (&& (== net461) (< net45)) (== netcoreapp2.0) (== netstandard2.0)
      System.Globalization (>= 4.3) - restriction: || (&& (== net45) (>= dnxcore50)) (&& (== net461) (>= dnxcore50)) (&& (== net461) (< net45)) (== netcoreapp2.0) (== netstandard2.0)
      System.IO (>= 4.3) - restriction: || (&& (== net45) (>= dnxcore50)) (&& (== net461) (>= dnxcore50)) (&& (== net461) (< net45)) (== netcoreapp2.0) (== netstandard2.0)
      System.Linq (>= 4.3) - restriction: || (&& (== net45) (>= dnxcore50)) (&& (== net461) (>= dnxcore50)) (&& (== net461) (< net45)) (== netcoreapp2.0) (== netstandard2.0)
      System.Reflection (>= 4.3) - restriction: || (&& (== net45) (>= dnxcore50)) (&& (== net461) (>= dnxcore50)) (&& (== net461) (< net45)) (== netcoreapp2.0) (== netstandard2.0)
      System.Reflection.Emit (>= 4.3) - restriction: || (&& (== net45) (>= dnxcore50)) (&& (== net461) (>= dnxcore50)) (&& (== net461) (< net45)) (== netcoreapp2.0) (== netstandard2.0)
      System.Reflection.Emit.ILGeneration (>= 4.3) - restriction: || (&& (== net45) (>= dnxcore50)) (&& (== net461) (>= dnxcore50)) (&& (== net461) (< net45)) (== netcoreapp2.0) (== netstandard2.0)
      System.Reflection.Extensions (>= 4.3) - restriction: || (&& (== net45) (>= dnxcore50)) (&& (== net461) (>= dnxcore50)) (&& (== net461) (< net45)) (== netcoreapp2.0) (== netstandard2.0)
      System.Reflection.Primitives (>= 4.3) - restriction: || (&& (== net45) (>= dnxcore50)) (&& (== net461) (>= dnxcore50)) (&& (== net461) (< net45)) (== netcoreapp2.0) (== netstandard2.0)
      System.Reflection.TypeExtensions (>= 4.3) - restriction: || (&& (== net45) (>= dnxcore50)) (&& (== net461) (>= dnxcore50)) (&& (== net461) (< net45)) (== netcoreapp2.0) (== netstandard2.0)
      System.Resources.ResourceManager (>= 4.3) - restriction: || (&& (== net45) (>= dnxcore50)) (&& (== net461) (>= dnxcore50)) (&& (== net461) (< net45)) (== netcoreapp2.0) (== netstandard2.0)
      System.Runtime (>= 4.3) - restriction: || (&& (== net45) (>= dnxcore50)) (&& (== net461) (>= dnxcore50)) (&& (== net461) (< net45)) (== netcoreapp2.0) (== netstandard2.0)
      System.Runtime.Extensions (>= 4.3) - restriction: || (&& (== net45) (>= dnxcore50)) (&& (== net461) (>= dnxcore50)) (&& (== net461) (< net45)) (== netcoreapp2.0) (== netstandard2.0)
      System.Text.RegularExpressions (>= 4.3) - restriction: || (&& (== net45) (>= dnxcore50)) (&& (== net461) (>= dnxcore50)) (&& (== net461) (< net45)) (== netcoreapp2.0) (== netstandard2.0)
      System.Threading (>= 4.3) - restriction: || (&& (== net45) (>= dnxcore50)) (&& (== net461) (>= dnxcore50)) (&& (== net461) (< net45)) (== netcoreapp2.0) (== netstandard2.0)
      System.Xml.ReaderWriter (>= 4.3) - restriction: || (&& (== net45) (>= dnxcore50)) (&& (== net461) (>= dnxcore50)) (&& (== net461) (< net45)) (== netcoreapp2.0) (== netstandard2.0)
      System.Xml.XmlDocument (>= 4.3) - restriction: || (&& (== net45) (>= dnxcore50)) (&& (== net461) (>= dnxcore50)) (&& (== net461) (< net45)) (== netcoreapp2.0) (== netstandard2.0)
    System.Xml.XPath (4.3) - restriction: || (&& (== net45) (>= net46)) (&& (== net45) (>= netstandard2.0)) (== net461) (== netcoreapp2.0) (== netstandard2.0)
      System.Collections (>= 4.3) - restriction: || (&& (== net45) (>= netstandard1.3)) (&& (== net461) (< net46)) (== netcoreapp2.0) (== netstandard2.0)
      System.Diagnostics.Debug (>= 4.3) - restriction: || (&& (== net45) (>= netstandard1.3)) (&& (== net461) (< net46)) (== netcoreapp2.0) (== netstandard2.0)
      System.Globalization (>= 4.3) - restriction: || (&& (== net45) (>= netstandard1.3)) (&& (== net461) (< net46)) (== netcoreapp2.0) (== netstandard2.0)
      System.IO (>= 4.3) - restriction: || (&& (== net45) (>= netstandard1.3)) (&& (== net461) (< net46)) (== netcoreapp2.0) (== netstandard2.0)
      System.Resources.ResourceManager (>= 4.3) - restriction: || (&& (== net45) (>= netstandard1.3)) (&& (== net461) (< net46)) (== netcoreapp2.0) (== netstandard2.0)
      System.Runtime (>= 4.3) - restriction: || (&& (== net45) (>= netstandard1.3)) (&& (== net461) (< net46)) (== netcoreapp2.0) (== netstandard2.0)
      System.Runtime.Extensions (>= 4.3) - restriction: || (&& (== net45) (>= netstandard1.3)) (&& (== net461) (< net46)) (== netcoreapp2.0) (== netstandard2.0)
      System.Threading (>= 4.3) - restriction: || (&& (== net45) (>= netstandard1.3)) (&& (== net461) (< net46)) (== netcoreapp2.0) (== netstandard2.0)
      System.Xml.ReaderWriter (>= 4.3) - restriction: || (&& (== net45) (>= netstandard1.3)) (&& (== net461) (< net46)) (== netcoreapp2.0) (== netstandard2.0)
    System.Xml.XPath.XDocument (4.3) - restriction: || (&& (== net45) (>= net46)) (&& (== net45) (>= netstandard2.0)) (== net461) (== netcoreapp2.0) (== netstandard2.0)
      System.Diagnostics.Debug (>= 4.3) - restriction: || (&& (== net45) (>= netstandard1.3)) (&& (== net461) (< net46)) (== netcoreapp2.0) (== netstandard2.0)
      System.Linq (>= 4.3) - restriction: || (&& (== net45) (>= netstandard1.3)) (&& (== net461) (< net46)) (== netcoreapp2.0) (== netstandard2.0)
      System.Resources.ResourceManager (>= 4.3) - restriction: || (&& (== net45) (>= netstandard1.3)) (&& (== net461) (< net46)) (== netcoreapp2.0) (== netstandard2.0)
      System.Runtime (>= 4.3) - restriction: || (&& (== net45) (>= netstandard1.3)) (&& (== net461) (< net46)) (== netcoreapp2.0) (== netstandard2.0)
      System.Runtime.Extensions (>= 4.3) - restriction: || (&& (== net45) (>= netstandard1.3)) (&& (== net461) (< net46)) (== netcoreapp2.0) (== netstandard2.0)
      System.Threading (>= 4.3) - restriction: || (&& (== net45) (>= netstandard1.3)) (&& (== net461) (< net46)) (== netcoreapp2.0) (== netstandard2.0)
      System.Xml.ReaderWriter (>= 4.3) - restriction: || (&& (== net45) (>= netstandard1.3)) (&& (== net461) (< net46)) (== netcoreapp2.0) (== netstandard2.0)
      System.Xml.XDocument (>= 4.3) - restriction: || (&& (== net45) (>= netstandard1.3)) (&& (== net461) (< net46)) (== netcoreapp2.0) (== netstandard2.0)
      System.Xml.XPath (>= 4.3) - restriction: || (&& (== net45) (>= net46)) (&& (== net45) (>= netstandard1.3)) (== net461) (== netcoreapp2.0) (== netstandard2.0)
    System.Xml.XPath.XmlDocument (4.3) - restriction: || (&& (== net45) (>= net46)) (&& (== net45) (>= netcoreapp1.0)) (&& (== net45) (>= netstandard2.0)) (== net461) (== netcoreapp2.0) (== netstandard2.0)
      System.Collections (>= 4.3) - restriction: || (&& (== net45) (>= netstandard1.3)) (&& (== net461) (< net46)) (== netcoreapp2.0) (== netstandard2.0)
      System.Globalization (>= 4.3) - restriction: || (&& (== net45) (>= netstandard1.3)) (&& (== net461) (< net46)) (== netcoreapp2.0) (== netstandard2.0)
      System.IO (>= 4.3) - restriction: || (&& (== net45) (>= netstandard1.3)) (&& (== net461) (< net46)) (== netcoreapp2.0) (== netstandard2.0)
      System.Resources.ResourceManager (>= 4.3) - restriction: || (&& (== net45) (>= netstandard1.3)) (&& (== net461) (< net46)) (== netcoreapp2.0) (== netstandard2.0)
      System.Runtime (>= 4.3) - restriction: || (&& (== net45) (>= netstandard1.3)) (&& (== net461) (< net46)) (== netcoreapp2.0) (== netstandard2.0)
      System.Runtime.Extensions (>= 4.3) - restriction: || (&& (== net45) (>= netstandard1.3)) (&& (== net461) (< net46)) (== netcoreapp2.0) (== netstandard2.0)
      System.Threading (>= 4.3) - restriction: || (&& (== net45) (>= netstandard1.3)) (&& (== net461) (< net46)) (== netcoreapp2.0) (== netstandard2.0)
      System.Xml.ReaderWriter (>= 4.3) - restriction: || (&& (== net45) (>= netstandard1.3)) (&& (== net461) (< net46)) (== netcoreapp2.0) (== netstandard2.0)
      System.Xml.XmlDocument (>= 4.3) - restriction: || (&& (== net45) (>= net46)) (&& (== net45) (>= netstandard1.3)) (== net461) (== netcoreapp2.0) (== netstandard2.0)
      System.Xml.XPath (>= 4.3) - restriction: || (&& (== net45) (>= net46)) (&& (== net45) (>= netstandard1.3)) (== net461) (== netcoreapp2.0) (== netstandard2.0)
    Unquote (4.0)
      FSharp.Core (>= 4.2.3) - restriction: || (&& (== net45) (>= netstandard2.0)) (&& (== net461) (>= netstandard2.0)) (== netcoreapp2.0) (== netstandard2.0)
    xunit (2.4)
      xunit.analyzers (>= 0.10)
      xunit.assert (2.4)
      xunit.core (2.4)
    xunit.abstractions (2.0.3)
    xunit.analyzers (0.10)
    xunit.assert (2.4)
      NETStandard.Library (>= 1.6.1) - restriction: || (== net45) (&& (== net461) (< net452)) (&& (== netcoreapp2.0) (< netstandard2.0))
    xunit.core (2.4)
      xunit.extensibility.core (2.4)
      xunit.extensibility.execution (2.4)
    xunit.extensibility.core (2.4)
      NETStandard.Library (>= 1.6.1) - restriction: || (== net45) (&& (== net461) (< net452)) (&& (== netcoreapp2.0) (< netstandard2.0))
      xunit.abstractions (>= 2.0.2)
    xunit.extensibility.execution (2.4)
      xunit.extensibility.core (2.4)
    xunit.runner.visualstudio (2.4.0) - version_in_path: true
      Microsoft.NET.Test.Sdk (>= 15.0) - restriction: || (&& (== net45) (>= netcoreapp1.0)) (&& (== net461) (>= netcoreapp1.0)) (== netcoreapp2.0) (&& (== netstandard2.0) (>= netcoreapp1.0))

GROUP Build
RESTRICTION: == net461
NUGET
  remote: https://api.nuget.org/v3/index.json
    FAKE (5.8.4)
    FSharp.Compiler.Service (2.0.0.6)
    FSharp.Formatting (2.14.4)
      FSharp.Compiler.Service (2.0.0.6)
      FSharpVSPowerTools.Core (>= 2.3 < 2.4)
    FSharpVSPowerTools.Core (2.3)
      FSharp.Compiler.Service (>= 2.0.0.3)
    Octokit (0.32)
    xunit.runner.console (2.3.1)
GITHUB
  remote: fsharp/FAKE
    modules/Octokit/Octokit.fsx (3827f95ad533978ec14c29db92658f48b0609e05)
      Octokit (>= 0.20)
GROUP Legacy
RESTRICTION: == net45
NUGET
  remote: https://api.nuget.org/v3/index.json
    FSharp.Core (3.1.2)
